NUGET
  remote: http://packages.ap.aderant.com/packages/nuget
    Aderant.Build.Analyzer (1.0.4)
  remote: https://www.nuget.org/api/v2
    Castle.Core (3.3.3) - framework: >= net45
    Microsoft.AspNet.WebApi.Client (5.2.2)
      Microsoft.Net.Http (>= 2.2.22) - framework: portable-wp80+win+wp81+wpa81
      Newtonsoft.Json (>= 6.0.4) - framework: >= net45, portable-wp80+win+wp81+wpa81
    Microsoft.AspNet.WebApi.Core (5.2.2)
      Microsoft.AspNet.WebApi.Client (>= 5.2.2)
    Microsoft.AspNet.WebApi.WebHost (5.2.2)
      Microsoft.AspNet.WebApi.Core (>= 5.2.2 < 5.3)
    Microsoft.AspNet.WebHooks.Common (1.2)
      Microsoft.AspNet.WebApi.Core (>= 5.2.2)
    Microsoft.AspNet.WebHooks.Receivers (1.2)
      Microsoft.AspNet.WebApi.Core (>= 5.2.2)
      Microsoft.AspNet.WebHooks.Common (>= 1.2)
    Microsoft.AspNet.WebHooks.Receivers.Generic (1.2)
      Microsoft.AspNet.WebApi.Core (>= 5.2.2)
      Microsoft.AspNet.WebHooks.Common (>= 1.2)
      Microsoft.AspNet.WebHooks.Receivers (>= 1.2)
    Microsoft.AspNet.WebHooks.Receivers.VSTS (1.2)
      Microsoft.AspNet.WebApi.Core (>= 5.2.2)
      Microsoft.AspNet.WebHooks.Common (>= 1.2)
      Microsoft.AspNet.WebHooks.Receivers (>= 1.2)
    Microsoft.Bcl (1.1.10) - framework: dnxcore50, >= netstandard13, portable-net45+win8+wpa81, portable-wp80+win+wp81+wpa81
      Microsoft.Bcl.Build (>= 1.0.14)
    Microsoft.Bcl.Build (1.0.21) - import_targets: false, framework: dnxcore50, >= netstandard13, portable-net45+win8+wpa81, portable-wp80+win+wp81+wpa81
    Microsoft.CodeAnalysis.Analyzers (1.1)
    Microsoft.CodeAnalysis.Common (1.2.2)
      Microsoft.CodeAnalysis.Analyzers (>= 1.1)
      System.Collections.Immutable (>= 1.1.37)
      System.Reflection.Metadata (>= 1.2)
    Microsoft.CodeAnalysis.CSharp (1.2.2)
      Microsoft.CodeAnalysis.Common (1.2.2)
    Microsoft.CodeAnalysis.CSharp.Workspaces (1.2.2)
      Microsoft.CodeAnalysis.CSharp (1.2.2)
      Microsoft.CodeAnalysis.Workspaces.Common (1.2.2)
    Microsoft.CodeAnalysis.Workspaces.Common (1.2.2)
      Microsoft.CodeAnalysis.Common (1.2.2)
      Microsoft.Composition (>= 1.0.27)
    Microsoft.CodeDom.Providers.DotNetCompilerPlatform (1.0)
      Microsoft.Net.Compilers (>= 1.0)
    Microsoft.Composition (1.0.30)
    Microsoft.CSharp (4.3) - framework: >= netstandard10
      System.Collections (>= 4.3) - framework: dnxcore50, >= netstandard13
      System.Diagnostics.Debug (>= 4.3) - framework: dnxcore50, >= netstandard13
      System.Dynamic.Runtime (>= 4.3) - framework: dnxcore50, netstandard10, >= netstandard13
      System.Globalization (>= 4.3) - framework: dnxcore50, >= netstandard13
      System.Linq (>= 4.3) - framework: dnxcore50, >= netstandard13
      System.Linq.Expressions (>= 4.3) - framework: dnxcore50, netstandard10, >= netstandard13
      System.ObjectModel (>= 4.3) - framework: dnxcore50, >= netstandard13
      System.Reflection (>= 4.3) - framework: dnxcore50, >= netstandard13
      System.Reflection.Extensions (>= 4.3) - framework: dnxcore50, >= netstandard13
      System.Reflection.Primitives (>= 4.3) - framework: dnxcore50, >= netstandard13
      System.Reflection.TypeExtensions (>= 4.3) - framework: dnxcore50, >= netstandard13
      System.Resources.ResourceManager (>= 4.3) - framework: dnxcore50, >= netstandard13
      System.Runtime (>= 4.3) - framework: dnxcore50, netstandard10, >= netstandard13
      System.Runtime.Extensions (>= 4.3) - framework: dnxcore50, >= netstandard13
      System.Runtime.InteropServices (>= 4.3) - framework: dnxcore50, >= netstandard13
      System.Threading (>= 4.3) - framework: dnxcore50, >= netstandard13
    Microsoft.IdentityModel.Clients.ActiveDirectory (3.13.8)
      NETStandard.Library (>= 1.6) - framework: >= netstandard14
      System.Runtime.Serialization.Json (>= 4.0.2) - framework: >= netstandard14
      System.Runtime.Serialization.Primitives (>= 4.1.1) - framework: >= netstandard14
    Microsoft.IdentityModel.Logging (1.1) - framework: >= net451, >= netstandard14
      System.Diagnostics.Tracing (>= 4.3) - framework: >= netstandard14
      System.Globalization (>= 4.3) - framework: >= netstandard14
      System.IO (>= 4.3) - framework: >= netstandard14
      System.IO.FileSystem (>= 4.3) - framework: >= netstandard14
    Microsoft.IdentityModel.Tokens (5.1) - framework: >= net451, >= netstandard14
      Microsoft.IdentityModel.Logging (>= 1.1) - framework: >= net451, >= netstandard14
      Newtonsoft.Json (>= 9.0.1) - framework: >= net451, >= netstandard14
      System.Collections (>= 4.3) - framework: >= netstandard14
      System.Diagnostics.Tools (>= 4.3) - framework: >= netstandard14
      System.Runtime (>= 4.3) - framework: >= netstandard14
      System.Runtime.Extensions (>= 4.3) - framework: >= netstandard14
      System.Runtime.InteropServices (>= 4.3) - framework: >= netstandard14
      System.Runtime.InteropServices.RuntimeInformation (>= 4.3) - framework: >= netstandard14
      System.Security.Claims (>= 4.3) - framework: >= netstandard14
      System.Security.Cryptography.Algorithms (>= 4.3) - framework: >= netstandard14
      System.Security.Cryptography.Csp (>= 4.3) - framework: >= netstandard14
      System.Security.Cryptography.X509Certificates (>= 4.3) - framework: >= netstandard14
      System.Text.RegularExpressions (>= 4.3) - framework: >= netstandard14
      System.Threading (>= 4.3) - framework: >= netstandard14
      System.Xml.ReaderWriter (>= 4.3) - framework: >= netstandard14
    Microsoft.Net.Compilers (1.0)
    Microsoft.Net.Http (2.2.29) - framework: dnxcore50, >= netstandard13, portable-net45+win8+wpa81, portable-wp80+win+wp81+wpa81
      Microsoft.Bcl (>= 1.1.10)
      Microsoft.Bcl.Build (>= 1.0.14)
    Microsoft.NETCore.Platforms (1.1) - framework: dnxcore50, >= netstandard10
    Microsoft.NETCore.Targets (1.1) - framework: dnxcore50, >= netstandard10
    Microsoft.TeamFoundationServer.Client (15.104.0-preview)
      Microsoft.AspNet.WebApi.Client (>= 5.2.2) - framework: >= net45, dnxcore50, >= netstandard13, portable-net45+win8+wpa81
      Microsoft.VisualStudio.Services.Client (15.104.0-preview) - framework: >= net45, dnxcore50, >= netstandard13, portable-net45+win8+wpa81
      Newtonsoft.Json (>= 8.0.3) - framework: >= net45, dnxcore50, >= netstandard13, portable-net45+win8+wpa81
      System.Collections (>= 4.0.11) - framework: >= netstandard13
      System.ComponentModel.Annotations (>= 4.1) - framework: >= netstandard13
      System.Diagnostics.Debug (>= 4.0.11) - framework: >= netstandard13
      System.Diagnostics.Tools (>= 4.0.1) - framework: >= netstandard13
      System.Globalization (>= 4.0.11) - framework: >= netstandard13
      System.IO (>= 4.1) - framework: >= netstandard13
      System.IO.Compression (>= 4.1.1) - framework: >= netstandard13
      System.IO.Compression.ZipFile (>= 4.0.1) - framework: >= netstandard13
      System.IO.FileSystem (>= 4.0.1) - framework: >= netstandard13
      System.IO.FileSystem.Primitives (>= 4.0.1) - framework: >= netstandard13
      System.Linq (>= 4.1) - framework: >= netstandard13
      System.Linq.Expressions (>= 4.1) - framework: >= netstandard13
      System.Linq.Queryable (>= 4.0.1) - framework: >= netstandard13
      System.Net.Http (>= 4.1) - framework: >= netstandard13
      System.Net.Primitives (>= 4.0.11) - framework: >= netstandard13
      System.ObjectModel (>= 4.0.12) - framework: >= netstandard13
      System.Reflection (>= 4.1) - framework: >= netstandard13
      System.Resources.ResourceManager (>= 4.0.1) - framework: >= netstandard13
      System.Runtime (>= 4.1) - framework: >= netstandard13
      System.Runtime.Extensions (>= 4.1) - framework: >= netstandard13
      System.Runtime.Serialization.Primitives (>= 4.1.1) - framework: >= netstandard13
      System.Text.Encoding (>= 4.0.11) - framework: >= netstandard13
      System.Text.Encoding.Extensions (>= 4.0.11) - framework: >= netstandard13
      System.Text.RegularExpressions (>= 4.1) - framework: >= netstandard13
      System.Threading.Tasks (>= 4.0.11) - framework: >= netstandard13
    Microsoft.TeamFoundationServer.ExtendedClient (15.104.0-preview)
      Microsoft.AspNet.WebApi.Client (>= 5.2.2)
      Microsoft.AspNet.WebApi.Core (>= 5.2.2)
      Microsoft.IdentityModel.Clients.ActiveDirectory (>= 2.23.302261847)
      Microsoft.TeamFoundationServer.Client (15.104.0-preview)
      Microsoft.VisualStudio.Services.Client (15.104.0-preview)
      Microsoft.VisualStudio.Services.InteractiveClient (15.104.0-preview)
      Newtonsoft.Json (>= 8.0.3)
      System.IdentityModel.Tokens.Jwt (>= 4.0.2.206221351)
    Microsoft.VisualStudio.Services.Client (15.104.0-preview)
      Microsoft.AspNet.WebApi.Client (>= 5.2.2) - framework: >= net45, dnxcore50, >= netstandard13, portable-net45+win8+wpa81
      Microsoft.Net.Http (>= 2.2.22) - framework: dnxcore50, >= netstandard13, portable-net45+win8+wpa81
      Newtonsoft.Json (>= 8.0.3) - framework: >= net45, dnxcore50, >= netstandard13, portable-net45+win8+wpa81
      System.Collections (>= 4.0.11) - framework: >= netstandard13
      System.Collections.Concurrent (>= 4.0.12) - framework: >= netstandard13
      System.Collections.Specialized (>= 4.0.1) - framework: >= netstandard13
      System.ComponentModel (>= 4.0.1) - framework: >= netstandard13
      System.ComponentModel.TypeConverter (>= 4.1) - framework: >= netstandard13
      System.Data.Common (>= 4.1) - framework: >= netstandard13
      System.Data.SqlClient (>= 4.1) - framework: >= netstandard13
      System.Diagnostics.Debug (>= 4.0.11) - framework: >= netstandard13
      System.Diagnostics.Tools (>= 4.0.1) - framework: >= netstandard13
      System.Diagnostics.TraceSource (>= 4.0) - framework: >= netstandard13
      System.Diagnostics.Tracing (>= 4.1) - framework: >= netstandard13
      System.Dynamic.Runtime (>= 4.0.11) - framework: >= netstandard13
      System.Globalization (>= 4.0.11) - framework: >= netstandard13
      System.IO (>= 4.1) - framework: >= netstandard13
      System.IO.Compression (>= 4.1.1) - framework: >= netstandard13
      System.IO.FileSystem (>= 4.0.1) - framework: >= netstandard13
      System.IO.FileSystem.Primitives (>= 4.0.1) - framework: >= netstandard13
      System.Linq (>= 4.1) - framework: >= netstandard13
      System.Net.Http (>= 4.1) - framework: >= netstandard13
      System.Net.Primitives (>= 4.0.11) - framework: >= netstandard13
      System.Net.Requests (>= 4.0.11) - framework: >= netstandard13
      System.Net.WebHeaderCollection (>= 4.0.1) - framework: >= netstandard13
      System.ObjectModel (>= 4.0.12) - framework: >= netstandard13
      System.Reflection (>= 4.1) - framework: >= netstandard13
      System.Reflection.Extensions (>= 4.0.1) - framework: >= netstandard13
      System.Reflection.Primitives (>= 4.0.1) - framework: >= netstandard13
      System.Resources.ResourceManager (>= 4.0.1) - framework: >= netstandard13
      System.Runtime (>= 4.1) - framework: >= netstandard13
      System.Runtime.Extensions (>= 4.1) - framework: >= netstandard13
      System.Runtime.InteropServices (>= 4.1) - framework: >= netstandard13
      System.Runtime.Serialization.Primitives (>= 4.1.1) - framework: >= netstandard13
      System.Runtime.Serialization.Xml (>= 4.1.1) - framework: >= netstandard13
      System.Security.Claims (>= 4.0.1) - framework: >= netstandard13
      System.Security.Cryptography.Algorithms (>= 4.2) - framework: >= netstandard13
      System.Security.Cryptography.Csp (>= 4.0) - framework: >= netstandard13
      System.Security.Cryptography.Encoding (>= 4.0) - framework: >= netstandard13
      System.Security.Cryptography.Primitives (>= 4.0) - framework: >= netstandard13
      System.Security.Cryptography.X509Certificates (>= 4.1) - framework: >= netstandard13
      System.Security.Principal (>= 4.0.1) - framework: >= netstandard13
      System.Security.Principal.Windows (>= 4.0) - framework: >= netstandard13
      System.Text.Encoding (>= 4.0.11) - framework: >= netstandard13
      System.Text.Encoding.Extensions (>= 4.0.11) - framework: >= netstandard13
      System.Text.RegularExpressions (>= 4.1) - framework: >= netstandard13
      System.Threading (>= 4.0.11) - framework: >= netstandard13
      System.Threading.Tasks (>= 4.0.11) - framework: >= netstandard13
      System.Threading.Thread (>= 4.0) - framework: >= netstandard13
      System.Xml.ReaderWriter (>= 4.0.11) - framework: >= netstandard13
      System.Xml.XDocument (>= 4.0.11) - framework: >= netstandard13
      System.Xml.XmlDocument (>= 4.0.1) - framework: >= netstandard13
      System.Xml.XmlSerializer (>= 4.0.11) - framework: >= netstandard13
      System.Xml.XPath.XmlDocument (>= 4.0.1) - framework: >= netstandard13
    Microsoft.VisualStudio.Services.InteractiveClient (15.104.0-preview)
      Microsoft.AspNet.WebApi.Client (>= 5.2.2) - framework: >= net45, dnxcore50, >= netstandard13, portable-net45+win8+wpa81
      Microsoft.IdentityModel.Clients.ActiveDirectory (>= 2.23.302261847) - framework: >= net45
      Microsoft.IdentityModel.Clients.ActiveDirectory (>= 3.11.305310302-alpha) - framework: dnxcore50, >= netstandard13, portable-net45+win8+wpa81
      Microsoft.VisualStudio.Services.Client (15.104.0-preview) - framework: >= net45, dnxcore50, >= netstandard13, portable-net45+win8+wpa81
      Newtonsoft.Json (>= 8.0.3) - framework: >= net45, dnxcore50, >= netstandard13, portable-net45+win8+wpa81
      System.Collections (>= 4.0.11) - framework: >= netstandard13
      System.Collections.Concurrent (>= 4.0.12) - framework: >= netstandard13
      System.Diagnostics.Debug (>= 4.0.11) - framework: >= netstandard13
      System.Diagnostics.Tools (>= 4.0.1) - framework: >= netstandard13
      System.Diagnostics.Tracing (>= 4.1) - framework: >= netstandard13
      System.Globalization (>= 4.0.11) - framework: >= netstandard13
      System.IdentityModel.Tokens.Jwt (>= 4.0.2.206221351) - framework: >= net45
      System.IO (>= 4.1) - framework: >= netstandard13
      System.Linq (>= 4.1) - framework: >= netstandard13
      System.Net.Http (>= 4.1) - framework: >= netstandard13
      System.Net.Primitives (>= 4.0.11) - framework: >= netstandard13
      System.Net.WebHeaderCollection (>= 4.0.1) - framework: >= netstandard13
      System.Private.DataContractSerialization (>= 4.1.1) - framework: >= netstandard13
      System.Reflection (>= 4.1) - framework: >= netstandard13
      System.Reflection.Extensions (>= 4.0.1) - framework: >= netstandard13
      System.Reflection.TypeExtensions (>= 4.1) - framework: >= netstandard13
      System.Resources.ResourceManager (>= 4.0.1) - framework: >= netstandard13
      System.Runtime (>= 4.1) - framework: >= netstandard13
      System.Runtime.Extensions (>= 4.1) - framework: >= netstandard13
      System.Runtime.InteropServices (>= 4.1) - framework: >= netstandard13
      System.Runtime.Serialization.Primitives (>= 4.1.1) - framework: >= netstandard13
      System.Text.Encoding (>= 4.0.11) - framework: >= netstandard13
      System.Threading (>= 4.0.11) - framework: >= netstandard13
      System.Threading.Tasks (>= 4.0.11) - framework: >= netstandard13
      System.Xml.ReaderWriter (>= 4.0.11) - framework: >= netstandard13
      System.Xml.XmlDocument (>= 4.0.1) - framework: >= netstandard13
      System.Xml.XPath.XmlDocument (>= 4.0.1) - framework: >= netstandard13
      WindowsAzure.ServiceBus (>= 2.5.1) - framework: >= net45
    Microsoft.Web.Infrastructure (1.0)
    Microsoft.Web.Xdt (2.1.1)
    Microsoft.Win32.Primitives (4.3) - framework: >= netstandard13
      Microsoft.NETCore.Platforms (>= 1.1) - framework: >= netstandard13
      Microsoft.NETCore.Targets (>= 1.1) - framework: >= netstandard13
      System.Runtime (>= 4.3) - framework: >= netstandard13
    Microsoft.WindowsAPICodePack-Core (1.1.0.2) - framework: >= net35
    Microsoft.WindowsAPICodePack-Shell (1.1)
      Microsoft.WindowsAPICodePack-Core (>= 1.1) - framework: >= net35
    Moq (4.5.29)
      Castle.Core (>= 3.3.3) - framework: >= net45
    NETStandard.Library (1.6.1) - framework: >= netstandard14
      Microsoft.NETCore.Platforms (>= 1.1) - framework: >= netstandard10
      Microsoft.Win32.Primitives (>= 4.3) - framework: >= netstandard13
      System.AppContext (>= 4.3) - framework: >= netstandard13
      System.Collections (>= 4.3) - framework: >= netstandard10
      System.Collections.Concurrent (>= 4.3) - framework: >= netstandard11
      System.Console (>= 4.3) - framework: >= netstandard13
      System.Diagnostics.Debug (>= 4.3) - framework: >= netstandard10
      System.Diagnostics.Tools (>= 4.3) - framework: >= netstandard10
      System.Diagnostics.Tracing (>= 4.3) - framework: >= netstandard11
      System.Globalization (>= 4.3) - framework: >= netstandard10
      System.Globalization.Calendars (>= 4.3) - framework: >= netstandard13
      System.IO (>= 4.3) - framework: >= netstandard10
      System.IO.Compression (>= 4.3) - framework: >= netstandard11
      System.IO.Compression.ZipFile (>= 4.3) - framework: >= netstandard13
      System.IO.FileSystem (>= 4.3) - framework: >= netstandard13
      System.IO.FileSystem.Primitives (>= 4.3) - framework: >= netstandard13
      System.Linq (>= 4.3) - framework: >= netstandard10
      System.Linq.Expressions (>= 4.3) - framework: >= netstandard10
      System.Net.Http (>= 4.3) - framework: >= netstandard11
      System.Net.Primitives (>= 4.3) - framework: >= netstandard10
      System.Net.Sockets (>= 4.3) - framework: >= netstandard13
      System.ObjectModel (>= 4.3) - framework: >= netstandard10
      System.Reflection (>= 4.3) - framework: >= netstandard10
      System.Reflection.Extensions (>= 4.3) - framework: >= netstandard10
      System.Reflection.Primitives (>= 4.3) - framework: >= netstandard10
      System.Resources.ResourceManager (>= 4.3) - framework: >= netstandard10
      System.Runtime (>= 4.3) - framework: >= netstandard10
      System.Runtime.Extensions (>= 4.3) - framework: >= netstandard10
      System.Runtime.Handles (>= 4.3) - framework: >= netstandard13
      System.Runtime.InteropServices (>= 4.3) - framework: >= netstandard11
      System.Runtime.InteropServices.RuntimeInformation (>= 4.3) - framework: >= netstandard11
      System.Runtime.Numerics (>= 4.3) - framework: >= netstandard11
      System.Security.Cryptography.Algorithms (>= 4.3) - framework: >= netstandard13
      System.Security.Cryptography.Encoding (>= 4.3) - framework: >= netstandard13
      System.Security.Cryptography.Primitives (>= 4.3) - framework: >= netstandard13
      System.Security.Cryptography.X509Certificates (>= 4.3) - framework: >= netstandard13
      System.Text.Encoding (>= 4.3) - framework: >= netstandard10
      System.Text.Encoding.Extensions (>= 4.3) - framework: >= netstandard10
      System.Text.RegularExpressions (>= 4.3) - framework: >= netstandard10
      System.Threading (>= 4.3) - framework: >= netstandard10
      System.Threading.Tasks (>= 4.3) - framework: >= netstandard10
      System.Threading.Timer (>= 4.3) - framework: >= netstandard12
      System.Xml.ReaderWriter (>= 4.3) - framework: >= netstandard10
      System.Xml.XDocument (>= 4.3) - framework: >= netstandard10
    Newtonsoft.Json (9.0.1)
      Microsoft.CSharp (>= 4.0.1) - framework: >= netstandard10
      System.Collections (>= 4.0.11) - framework: >= netstandard10
      System.Diagnostics.Debug (>= 4.0.11) - framework: >= netstandard10
      System.Dynamic.Runtime (>= 4.0.11) - framework: >= netstandard10
      System.Globalization (>= 4.0.11) - framework: >= netstandard10
      System.IO (>= 4.1) - framework: >= netstandard10
      System.Linq (>= 4.1) - framework: >= netstandard10
      System.Linq.Expressions (>= 4.1) - framework: >= netstandard10
      System.ObjectModel (>= 4.0.12) - framework: >= netstandard10
      System.Reflection (>= 4.1) - framework: >= netstandard10
      System.Reflection.Extensions (>= 4.0.1) - framework: >= netstandard10
      System.Resources.ResourceManager (>= 4.0.1) - framework: >= netstandard10
      System.Runtime (>= 4.1) - framework: >= netstandard10
      System.Runtime.Extensions (>= 4.1) - framework: >= netstandard10
      System.Runtime.Serialization.Primitives (>= 4.1.1) - framework: >= netstandard10
      System.Text.Encoding (>= 4.0.11) - framework: >= netstandard10
      System.Text.Encoding.Extensions (>= 4.0.11) - framework: >= netstandard10
      System.Text.RegularExpressions (>= 4.1) - framework: >= netstandard10
      System.Threading (>= 4.0.11) - framework: >= netstandard10
      System.Threading.Tasks (>= 4.0.11) - framework: >= netstandard10
      System.Xml.ReaderWriter (>= 4.0.11) - framework: >= netstandard10
      System.Xml.XDocument (>= 4.0.11) - framework: >= netstandard10
    RouteMagic (1.3)
    runtime.debian.8-x64.runtime.native.System.Security.Cryptography.OpenSsl (4.3) - framework: >= netstandard13
    runtime.fedora.23-x64.runtime.native.System.Security.Cryptography.OpenSsl (4.3) - framework: >= netstandard13
    runtime.fedora.24-x64.runtime.native.System.Security.Cryptography.OpenSsl (4.3) - framework: >= netstandard13
    runtime.native.System (4.3) - framework: >= netstandard13
      Microsoft.NETCore.Platforms (>= 1.1)
      Microsoft.NETCore.Targets (>= 1.1)
    runtime.native.System.Data.SqlClient.sni (4.3) - framework: >= netstandard13
      runtime.win7-x64.runtime.native.System.Data.SqlClient.sni (>= 4.3)
      runtime.win7-x86.runtime.native.System.Data.SqlClient.sni (>= 4.3)
    runtime.native.System.IO.Compression (4.3) - framework: >= netstandard13
      Microsoft.NETCore.Platforms (>= 1.1)
      Microsoft.NETCore.Targets (>= 1.1)
    runtime.native.System.Net.Http (4.3) - framework: >= netstandard16
      Microsoft.NETCore.Platforms (>= 1.1)
      Microsoft.NETCore.Targets (>= 1.1)
    runtime.native.System.Net.Security (4.3) - framework: >= netstandard16
      Microsoft.NETCore.Platforms (>= 1.1)
      Microsoft.NETCore.Targets (>= 1.1)
    runtime.native.System.Security.Cryptography.Apple (4.3) - framework: >= netstandard16
      runtime.osx.10.10-x64.runtime.native.System.Security.Cryptography.Apple (>= 4.3)
    runtime.native.System.Security.Cryptography.OpenSsl (4.3) - framework: >= netstandard13
      runtime.debian.8-x64.runtime.native.System.Security.Cryptography.OpenSsl (>= 4.3)
      runtime.fedora.23-x64.runtime.native.System.Security.Cryptography.OpenSsl (>= 4.3)
      runtime.fedora.24-x64.runtime.native.System.Security.Cryptography.OpenSsl (>= 4.3)
      runtime.opensuse.13.2-x64.runtime.native.System.Security.Cryptography.OpenSsl (>= 4.3)
      runtime.opensuse.42.1-x64.runtime.native.System.Security.Cryptography.OpenSsl (>= 4.3)
      runtime.osx.10.10-x64.runtime.native.System.Security.Cryptography.OpenSsl (>= 4.3)
      runtime.rhel.7-x64.runtime.native.System.Security.Cryptography.OpenSsl (>= 4.3)
      runtime.ubuntu.14.04-x64.runtime.native.System.Security.Cryptography.OpenSsl (>= 4.3)
      runtime.ubuntu.16.04-x64.runtime.native.System.Security.Cryptography.OpenSsl (>= 4.3)
      runtime.ubuntu.16.10-x64.runtime.native.System.Security.Cryptography.OpenSsl (>= 4.3)
    runtime.opensuse.13.2-x64.runtime.native.System.Security.Cryptography.OpenSsl (4.3) - framework: >= netstandard13
    runtime.opensuse.42.1-x64.runtime.native.System.Security.Cryptography.OpenSsl (4.3) - framework: >= netstandard13
    runtime.osx.10.10-x64.runtime.native.System.Security.Cryptography.Apple (4.3) - framework: >= netstandard16
    runtime.osx.10.10-x64.runtime.native.System.Security.Cryptography.OpenSsl (4.3) - framework: >= netstandard13
    runtime.rhel.7-x64.runtime.native.System.Security.Cryptography.OpenSsl (4.3) - framework: >= netstandard13
    runtime.ubuntu.14.04-x64.runtime.native.System.Security.Cryptography.OpenSsl (4.3) - framework: >= netstandard13
    runtime.ubuntu.16.04-x64.runtime.native.System.Security.Cryptography.OpenSsl (4.3) - framework: >= netstandard13
    runtime.ubuntu.16.10-x64.runtime.native.System.Security.Cryptography.OpenSsl (4.3) - framework: >= netstandard13
    runtime.win7-x64.runtime.native.System.Data.SqlClient.sni (4.3) - framework: >= netstandard13
    runtime.win7-x86.runtime.native.System.Data.SqlClient.sni (4.3) - framework: >= netstandard13
    System.AppContext (4.3) - framework: >= netstandard13
      System.Runtime (>= 4.3) - framework: dnxcore50, netstandard13, >= netstandard16
    System.Buffers (4.3) - framework: >= netstandard13
      System.Diagnostics.Debug (>= 4.3) - framework: >= netstandard11
      System.Diagnostics.Tracing (>= 4.3) - framework: >= netstandard11
      System.Resources.ResourceManager (>= 4.3) - framework: >= netstandard11
      System.Runtime (>= 4.3) - framework: >= netstandard11
      System.Threading (>= 4.3) - framework: >= netstandard11
    System.Collections (4.3) - framework: dnxcore50, >= netstandard10
      Microsoft.NETCore.Platforms (>= 1.1) - framework: dnxcore50, netstandard10, >= netstandard13
      Microsoft.NETCore.Targets (>= 1.1) - framework: dnxcore50, netstandard10, >= netstandard13
      System.Runtime (>= 4.3) - framework: dnxcore50, netstandard10, >= netstandard13
    System.Collections.Concurrent (4.3) - framework: >= netstandard13
      System.Collections (>= 4.3) - framework: dnxcore50, >= netstandard13
      System.Diagnostics.Debug (>= 4.3) - framework: dnxcore50, >= netstandard13
      System.Diagnostics.Tracing (>= 4.3) - framework: dnxcore50, >= netstandard13
      System.Globalization (>= 4.3) - framework: dnxcore50, >= netstandard13
      System.Reflection (>= 4.3) - framework: >= netstandard13
      System.Resources.ResourceManager (>= 4.3) - framework: dnxcore50, >= netstandard13
      System.Runtime (>= 4.3) - framework: dnxcore50, netstandard11, >= netstandard13
      System.Runtime.Extensions (>= 4.3) - framework: dnxcore50, >= netstandard13
      System.Threading (>= 4.3) - framework: dnxcore50, >= netstandard13
      System.Threading.Tasks (>= 4.3) - framework: dnxcore50, netstandard11, >= netstandard13
    System.Collections.Immutable (1.1.37)
      System.Collections (>= 4.0) - framework: dnxcore50
      System.Diagnostics.Debug (>= 4.0) - framework: dnxcore50
      System.Globalization (>= 4.0) - framework: dnxcore50
      System.Linq (>= 4.0) - framework: dnxcore50
      System.Resources.ResourceManager (>= 4.0) - framework: dnxcore50
      System.Runtime (>= 4.0) - framework: dnxcore50
      System.Runtime.Extensions (>= 4.0) - framework: dnxcore50
      System.Threading (>= 4.0) - framework: dnxcore50
    System.Collections.NonGeneric (4.3) - framework: >= netstandard13
      System.Diagnostics.Debug (>= 4.3) - framework: >= netstandard13
      System.Globalization (>= 4.3) - framework: >= netstandard13
      System.Resources.ResourceManager (>= 4.3) - framework: >= netstandard13
      System.Runtime (>= 4.3) - framework: >= netstandard13
      System.Runtime.Extensions (>= 4.3) - framework: >= netstandard13
      System.Threading (>= 4.3) - framework: >= netstandard13
    System.Collections.Specialized (4.3) - framework: >= netstandard13
      System.Collections.NonGeneric (>= 4.3) - framework: >= netstandard13
      System.Globalization (>= 4.3) - framework: >= netstandard13
      System.Globalization.Extensions (>= 4.3) - framework: >= netstandard13
      System.Resources.ResourceManager (>= 4.3) - framework: >= netstandard13
      System.Runtime (>= 4.3) - framework: >= netstandard13
      System.Runtime.Extensions (>= 4.3) - framework: >= netstandard13
      System.Threading (>= 4.3) - framework: >= netstandard13
    System.ComponentModel (4.3) - framework: >= netstandard13
      System.Runtime (>= 4.3) - framework: dnxcore50, netstandard10, >= netstandard13
    System.ComponentModel.Annotations (4.3) - framework: >= netstandard13
      System.Collections (>= 4.3) - framework: dnxcore50, >= netstandard14
      System.ComponentModel (>= 4.3) - framework: dnxcore50, >= netstandard13
      System.Globalization (>= 4.3) - framework: dnxcore50, >= netstandard14
      System.Linq (>= 4.3) - framework: dnxcore50, >= netstandard14
      System.Reflection (>= 4.3) - framework: dnxcore50, >= netstandard14
      System.Reflection.Extensions (>= 4.3) - framework: dnxcore50, >= netstandard14
      System.Resources.ResourceManager (>= 4.3) - framework: dnxcore50, >= netstandard14
      System.Runtime (>= 4.3) - framework: dnxcore50, netstandard11, >= netstandard13
      System.Runtime.Extensions (>= 4.3) - framework: dnxcore50, >= netstandard14
      System.Text.RegularExpressions (>= 4.3) - framework: dnxcore50, >= netstandard14
      System.Threading (>= 4.3) - framework: dnxcore50, >= netstandard14
    System.ComponentModel.Primitives (4.3) - framework: >= netstandard15
      System.ComponentModel (>= 4.3) - framework: >= netstandard10
      System.Resources.ResourceManager (>= 4.3) - framework: >= netstandard10
      System.Runtime (>= 4.3) - framework: >= netstandard10
    System.ComponentModel.TypeConverter (4.3) - framework: >= netstandard13
      System.Collections (>= 4.3) - framework: netstandard10, >= netstandard15
      System.Collections.NonGeneric (>= 4.3) - framework: >= net462, >= netstandard15
      System.Collections.Specialized (>= 4.3) - framework: >= netstandard15
      System.ComponentModel (>= 4.3) - framework: netstandard10, >= netstandard15
      System.ComponentModel.Primitives (>= 4.3) - framework: net45, >= net462, netstandard10, >= netstandard15, winv4.5, wpv8.0, wpav8.1
      System.Globalization (>= 4.3) - framework: netstandard10, >= netstandard15
      System.Linq (>= 4.3) - framework: >= netstandard15
      System.Reflection (>= 4.3) - framework: netstandard10, >= netstandard15
      System.Reflection.Extensions (>= 4.3) - framework: netstandard10, >= netstandard15
      System.Reflection.Primitives (>= 4.3) - framework: netstandard10, >= netstandard15
      System.Reflection.TypeExtensions (>= 4.3) - framework: >= netstandard15
      System.Resources.ResourceManager (>= 4.3) - framework: netstandard10, >= netstandard15
      System.Runtime (>= 4.3) - framework: netstandard10, >= netstandard15
      System.Runtime.Extensions (>= 4.3) - framework: netstandard10, >= netstandard15
      System.Threading (>= 4.3) - framework: netstandard10, >= netstandard15
    System.Console (4.3) - framework: >= netstandard13
      Microsoft.NETCore.Platforms (>= 1.1) - framework: >= netstandard13
      Microsoft.NETCore.Targets (>= 1.1) - framework: >= netstandard13
      System.IO (>= 4.3) - framework: >= netstandard13
      System.Runtime (>= 4.3) - framework: >= netstandard13
      System.Text.Encoding (>= 4.3) - framework: >= netstandard13
    System.Data.Common (4.3) - framework: >= netstandard13
      System.Collections (>= 4.3) - framework: >= netstandard12
      System.Globalization (>= 4.3) - framework: >= netstandard12
      System.IO (>= 4.3) - framework: >= netstandard12
      System.Resources.ResourceManager (>= 4.3) - framework: >= netstandard12
      System.Runtime (>= 4.3) - framework: >= netstandard12
      System.Runtime.Extensions (>= 4.3) - framework: >= netstandard12
      System.Text.RegularExpressions (>= 4.3) - framework: >= netstandard12
      System.Threading.Tasks (>= 4.3) - framework: >= netstandard12
    System.Data.SqlClient (4.3) - framework: >= netstandard13
      Microsoft.NETCore.Platforms (>= 1.1) - framework: >= netstandard13
      Microsoft.Win32.Primitives (>= 4.3) - framework: >= netstandard13
      runtime.native.System.Data.SqlClient.sni (>= 4.3) - framework: >= netstandard13
      System.Collections (>= 4.3) - framework: >= netstandard13
      System.Collections.Concurrent (>= 4.3) - framework: >= netstandard13
      System.Data.Common (>= 4.3) - framework: net451, >= net46, >= netstandard12
      System.Diagnostics.Debug (>= 4.3) - framework: >= netstandard13
      System.Diagnostics.DiagnosticSource (>= 4.3) - framework: >= netstandard13
      System.Globalization (>= 4.3) - framework: >= netstandard12
      System.IO (>= 4.3) - framework: >= netstandard12
      System.IO.Pipes (>= 4.3) - framework: >= netstandard13
      System.Linq (>= 4.3) - framework: >= netstandard13
      System.Net.NameResolution (>= 4.3) - framework: >= netstandard13
      System.Net.Primitives (>= 4.3) - framework: >= netstandard13
      System.Net.Security (>= 4.3) - framework: >= netstandard13
      System.Net.Sockets (>= 4.3) - framework: >= netstandard13
      System.Reflection (>= 4.3) - framework: >= netstandard13
      System.Reflection.TypeExtensions (>= 4.3) - framework: >= netstandard13
      System.Resources.ResourceManager (>= 4.3) - framework: >= netstandard13
      System.Runtime (>= 4.3) - framework: >= netstandard12
      System.Runtime.Extensions (>= 4.3) - framework: >= netstandard13
      System.Runtime.Handles (>= 4.3) - framework: >= netstandard13
      System.Runtime.InteropServices (>= 4.3) - framework: >= netstandard13
      System.Runtime.InteropServices.RuntimeInformation (>= 4.3) - framework: >= netstandard13
      System.Security.Cryptography.X509Certificates (>= 4.3) - framework: >= netstandard13
      System.Security.Principal (>= 4.3) - framework: >= netstandard13
      System.Security.Principal.Windows (>= 4.3) - framework: >= netstandard13
      System.Text.Encoding (>= 4.3) - framework: >= netstandard13
      System.Text.Encoding.CodePages (>= 4.3) - framework: >= netstandard13
      System.Text.Encoding.Extensions (>= 4.3) - framework: >= netstandard13
      System.Text.RegularExpressions (>= 4.3) - framework: >= netstandard13
      System.Threading (>= 4.3) - framework: >= netstandard13
      System.Threading.Tasks (>= 4.3) - framework: >= netstandard12
      System.Threading.Thread (>= 4.3) - framework: >= netstandard13
      System.Threading.ThreadPool (>= 4.3) - framework: >= netstandard13
      System.Threading.Timer (>= 4.3) - framework: >= netstandard13
      System.Xml.ReaderWriter (>= 4.3) - framework: >= netstandard12
    System.Diagnostics.Debug (4.3) - framework: dnxcore50, >= netstandard10
      Microsoft.NETCore.Platforms (>= 1.1) - framework: dnxcore50, netstandard10, >= netstandard13
      Microsoft.NETCore.Targets (>= 1.1) - framework: dnxcore50, netstandard10, >= netstandard13
      System.Runtime (>= 4.3) - framework: dnxcore50, netstandard10, >= netstandard13
    System.Diagnostics.DiagnosticSource (4.3) - framework: >= netstandard13
      System.Collections (>= 4.3) - framework: netstandard11, >= netstandard13
      System.Diagnostics.Tracing (>= 4.3) - framework: netstandard11, >= netstandard13
      System.Reflection (>= 4.3) - framework: netstandard11, >= netstandard13
      System.Runtime (>= 4.3) - framework: netstandard11, >= netstandard13
      System.Threading (>= 4.3) - framework: netstandard11, >= netstandard13
    System.Diagnostics.Tools (4.3) - framework: >= netstandard13
      Microsoft.NETCore.Platforms (>= 1.1) - framework: dnxcore50, >= netstandard10
      Microsoft.NETCore.Targets (>= 1.1) - framework: dnxcore50, >= netstandard10
      System.Runtime (>= 4.3) - framework: dnxcore50, >= netstandard10
    System.Diagnostics.TraceSource (4.3) - framework: >= netstandard13
      Microsoft.NETCore.Platforms (>= 1.1) - framework: >= netstandard13
      runtime.native.System (>= 4.3) - framework: >= netstandard13
      System.Collections (>= 4.3) - framework: >= netstandard13
      System.Diagnostics.Debug (>= 4.3) - framework: >= netstandard13
      System.Globalization (>= 4.3) - framework: >= netstandard13
      System.Resources.ResourceManager (>= 4.3) - framework: >= netstandard13
      System.Runtime (>= 4.3) - framework: >= netstandard13
      System.Runtime.Extensions (>= 4.3) - framework: >= netstandard13
      System.Threading (>= 4.3) - framework: >= netstandard13
    System.Diagnostics.Tracing (4.3) - framework: >= netstandard13
      Microsoft.NETCore.Platforms (>= 1.1) - framework: dnxcore50, netstandard11, netstandard12, netstandard13, >= netstandard15
      Microsoft.NETCore.Targets (>= 1.1) - framework: dnxcore50, netstandard11, netstandard12, netstandard13, >= netstandard15
      System.Runtime (>= 4.3) - framework: dnxcore50, netstandard11, netstandard12, netstandard13, >= netstandard15
    System.Dynamic.Runtime (4.3) - framework: >= netstandard10
      System.Collections (>= 4.3) - framework: dnxcore50, >= netstandard13
      System.Diagnostics.Debug (>= 4.3) - framework: dnxcore50, >= netstandard13
      System.Linq (>= 4.3) - framework: dnxcore50, >= netstandard13
      System.Linq.Expressions (>= 4.3) - framework: dnxcore50, netstandard10, >= netstandard13
      System.ObjectModel (>= 4.3) - framework: dnxcore50, netstandard10, >= netstandard13
      System.Reflection (>= 4.3) - framework: dnxcore50, netstandard10, >= netstandard13
      System.Reflection.Emit (>= 4.3) - framework: >= netstandard13
      System.Reflection.Emit.ILGeneration (>= 4.3) - framework: >= netstandard13
      System.Reflection.Primitives (>= 4.3) - framework: >= netstandard13
      System.Reflection.TypeExtensions (>= 4.3) - framework: dnxcore50, >= netstandard13
      System.Resources.ResourceManager (>= 4.3) - framework: dnxcore50, >= netstandard13
      System.Runtime (>= 4.3) - framework: dnxcore50, netstandard10, >= netstandard13
      System.Runtime.Extensions (>= 4.3) - framework: dnxcore50, >= netstandard13
      System.Threading (>= 4.3) - framework: dnxcore50, >= netstandard13
    System.Globalization (4.3) - framework: dnxcore50, >= netstandard10
      Microsoft.NETCore.Platforms (>= 1.1) - framework: dnxcore50, netstandard10, >= netstandard13
      Microsoft.NETCore.Targets (>= 1.1) - framework: dnxcore50, netstandard10, >= netstandard13
      System.Runtime (>= 4.3) - framework: dnxcore50, netstandard10, >= netstandard13
    System.Globalization.Calendars (4.3) - framework: >= netstandard14
      Microsoft.NETCore.Platforms (>= 1.1) - framework: >= netstandard13
      Microsoft.NETCore.Targets (>= 1.1) - framework: >= netstandard13
      System.Globalization (>= 4.3) - framework: >= netstandard13
      System.Runtime (>= 4.3) - framework: >= netstandard13
    System.Globalization.Extensions (4.3) - framework: >= netstandard13
      Microsoft.NETCore.Platforms (>= 1.1) - framework: >= netstandard13
      System.Globalization (>= 4.3) - framework: >= netstandard13
      System.Resources.ResourceManager (>= 4.3) - framework: >= netstandard13
      System.Runtime (>= 4.3) - framework: >= netstandard13
      System.Runtime.Extensions (>= 4.3) - framework: >= netstandard13
      System.Runtime.InteropServices (>= 4.3) - framework: >= netstandard13
    System.IdentityModel.Tokens.Jwt (5.1)
      Microsoft.IdentityModel.Tokens (>= 5.1) - framework: >= net451, >= netstandard14
    System.IO (4.3) - framework: dnxcore50, >= netstandard10
      Microsoft.NETCore.Platforms (>= 1.1) - framework: dnxcore50, netstandard10, netstandard13, >= netstandard15
      Microsoft.NETCore.Targets (>= 1.1) - framework: dnxcore50, netstandard10, netstandard13, >= netstandard15
      System.Runtime (>= 4.3) - framework: dnxcore50, netstandard10, netstandard13, >= netstandard15
      System.Text.Encoding (>= 4.3) - framework: dnxcore50, netstandard10, netstandard13, >= netstandard15
      System.Threading.Tasks (>= 4.3) - framework: dnxcore50, netstandard10, netstandard13, >= netstandard15
    System.IO.Compression (4.3) - framework: >= netstandard13
      Microsoft.NETCore.Platforms (>= 1.1) - framework: >= netstandard13
      runtime.native.System (>= 4.3) - framework: >= netstandard13
      runtime.native.System.IO.Compression (>= 4.3) - framework: dnxcore50, >= netstandard13
      System.Buffers (>= 4.3) - framework: dnxcore50, >= netstandard13
      System.Collections (>= 4.3) - framework: dnxcore50, >= netstandard13
      System.Diagnostics.Debug (>= 4.3) - framework: dnxcore50, >= netstandard13
      System.IO (>= 4.3) - framework: dnxcore50, netstandard11, >= netstandard13
      System.Resources.ResourceManager (>= 4.3) - framework: dnxcore50, >= netstandard13
      System.Runtime (>= 4.3) - framework: dnxcore50, netstandard11, >= netstandard13
      System.Runtime.Extensions (>= 4.3) - framework: dnxcore50, >= netstandard13
      System.Runtime.Handles (>= 4.3) - framework: dnxcore50, >= netstandard13
      System.Runtime.InteropServices (>= 4.3) - framework: dnxcore50, >= netstandard13
      System.Text.Encoding (>= 4.3) - framework: dnxcore50, netstandard11, >= netstandard13
      System.Threading (>= 4.3) - framework: dnxcore50, >= netstandard13
      System.Threading.Tasks (>= 4.3) - framework: dnxcore50, >= netstandard13
    System.IO.Compression.ZipFile (4.3) - framework: >= netstandard13
      System.Buffers (>= 4.3) - framework: >= netstandard13
      System.IO (>= 4.3) - framework: >= netstandard13
      System.IO.Compression (>= 4.3) - framework: >= netstandard13
      System.IO.FileSystem (>= 4.3) - framework: >= netstandard13
      System.IO.FileSystem.Primitives (>= 4.3) - framework: >= netstandard13
      System.Resources.ResourceManager (>= 4.3) - framework: >= netstandard13
      System.Runtime (>= 4.3) - framework: >= netstandard13
      System.Runtime.Extensions (>= 4.3) - framework: >= netstandard13
      System.Text.Encoding (>= 4.3) - framework: >= netstandard13
    System.IO.FileSystem (4.3) - framework: >= netstandard13
      Microsoft.NETCore.Platforms (>= 1.1) - framework: >= netstandard13
      Microsoft.NETCore.Targets (>= 1.1) - framework: >= netstandard13
      System.IO (>= 4.3) - framework: >= netstandard13
      System.IO.FileSystem.Primitives (>= 4.3) - framework: >= net46, >= netstandard13
      System.Runtime (>= 4.3) - framework: >= netstandard13
      System.Runtime.Handles (>= 4.3) - framework: >= netstandard13
      System.Text.Encoding (>= 4.3) - framework: >= netstandard13
      System.Threading.Tasks (>= 4.3) - framework: >= netstandard13
    System.IO.FileSystem.Primitives (4.3) - framework: >= netstandard13
      System.Runtime (>= 4.3) - framework: >= netstandard13
    System.IO.Pipes (4.3) - framework: >= netstandard13
      Microsoft.NETCore.Platforms (>= 1.1) - framework: >= netstandard13
      runtime.native.System (>= 4.3) - framework: >= netstandard13
      System.Buffers (>= 4.3) - framework: >= netstandard13
      System.Diagnostics.Debug (>= 4.3) - framework: >= netstandard13
      System.IO (>= 4.3) - framework: >= netstandard13
      System.IO.FileSystem.Primitives (>= 4.3) - framework: >= netstandard13
      System.Net.Primitives (>= 4.3) - framework: >= netstandard13
      System.Net.Sockets (>= 4.3) - framework: >= netstandard13
      System.Reflection (>= 4.3) - framework: >= netstandard13
      System.Resources.ResourceManager (>= 4.3) - framework: >= netstandard13
      System.Runtime (>= 4.3) - framework: >= netstandard13
      System.Runtime.Extensions (>= 4.3) - framework: >= netstandard13
      System.Runtime.Handles (>= 4.3) - framework: >= netstandard13
      System.Runtime.InteropServices (>= 4.3) - framework: >= netstandard13
      System.Security.Principal (>= 4.3) - framework: >= netstandard13
      System.Text.Encoding (>= 4.3) - framework: >= netstandard13
      System.Threading (>= 4.3) - framework: >= netstandard13
      System.Threading.Overlapped (>= 4.3) - framework: >= netstandard13
      System.Threading.Tasks (>= 4.3) - framework: >= netstandard13
    System.Linq (4.3) - framework: dnxcore50, >= netstandard10
      System.Collections (>= 4.3) - framework: dnxcore50, netstandard10, >= netstandard16
      System.Diagnostics.Debug (>= 4.3) - framework: dnxcore50, >= netstandard16
      System.Resources.ResourceManager (>= 4.3) - framework: dnxcore50, >= netstandard16
      System.Runtime (>= 4.3) - framework: dnxcore50, netstandard10, >= netstandard16
      System.Runtime.Extensions (>= 4.3) - framework: dnxcore50, >= netstandard16
    System.Linq.Expressions (4.3) - framework: >= netstandard10
      System.Collections (>= 4.3) - framework: dnxcore50, >= netstandard16
      System.Diagnostics.Debug (>= 4.3) - framework: dnxcore50, >= netstandard16
      System.Globalization (>= 4.3) - framework: dnxcore50, >= netstandard16
      System.IO (>= 4.3) - framework: dnxcore50, >= netstandard16
      System.Linq (>= 4.3) - framework: dnxcore50, >= netstandard16
      System.ObjectModel (>= 4.3) - framework: >= netstandard16
      System.Reflection (>= 4.3) - framework: dnxcore50, netstandard10, netstandard13, >= netstandard16
      System.Reflection.Emit (>= 4.3) - framework: >= netstandard16
      System.Reflection.Emit.ILGeneration (>= 4.3) - framework: dnxcore50, >= netstandard16
      System.Reflection.Emit.Lightweight (>= 4.3) - framework: dnxcore50, >= netstandard16
      System.Reflection.Extensions (>= 4.3) - framework: dnxcore50, >= netstandard16
      System.Reflection.Primitives (>= 4.3) - framework: dnxcore50, >= netstandard16
      System.Reflection.TypeExtensions (>= 4.3) - framework: dnxcore50, >= netstandard16
      System.Resources.ResourceManager (>= 4.3) - framework: dnxcore50, >= netstandard16
      System.Runtime (>= 4.3) - framework: dnxcore50, netstandard10, netstandard13, >= netstandard16
      System.Runtime.Extensions (>= 4.3) - framework: dnxcore50, >= netstandard16
      System.Threading (>= 4.3) - framework: dnxcore50, >= netstandard16
    System.Linq.Queryable (4.3) - framework: >= netstandard13
      System.Collections (>= 4.3) - framework: dnxcore50, >= netstandard13
      System.Diagnostics.Debug (>= 4.3) - framework: dnxcore50, >= netstandard13
      System.Linq (>= 4.3) - framework: dnxcore50, netstandard10, >= netstandard13
      System.Linq.Expressions (>= 4.3) - framework: dnxcore50, netstandard10, >= netstandard13
      System.Reflection (>= 4.3) - framework: dnxcore50, >= netstandard13
      System.Reflection.Extensions (>= 4.3) - framework: dnxcore50, >= netstandard13
      System.Resources.ResourceManager (>= 4.3) - framework: dnxcore50, >= netstandard13
      System.Runtime (>= 4.3) - framework: dnxcore50, netstandard10, >= netstandard13
    System.Net.Http (4.3) - framework: >= netstandard13
      Microsoft.NETCore.Platforms (>= 1.1) - framework: dnxcore50, netstandard13, >= netstandard16
      Microsoft.Win32.Primitives (>= 4.3) - framework: netstandard13
      runtime.native.System (>= 4.3) - framework: >= netstandard16
      runtime.native.System.Net.Http (>= 4.3) - framework: >= netstandard16
      runtime.native.System.Security.Cryptography.OpenSsl (>= 4.3) - framework: >= netstandard16
      System.Collections (>= 4.3) - framework: dnxcore50, netstandard13, >= netstandard16
      System.Diagnostics.Debug (>= 4.3) - framework: dnxcore50, netstandard13, >= netstandard16
      System.Diagnostics.DiagnosticSource (>= 4.3) - framework: >= net46, dnxcore50, netstandard13, >= netstandard16
      System.Diagnostics.Tracing (>= 4.3) - framework: dnxcore50, netstandard13, >= netstandard16
      System.Globalization (>= 4.3) - framework: dnxcore50, netstandard13, >= netstandard16
      System.Globalization.Extensions (>= 4.3) - framework: >= netstandard16
      System.IO (>= 4.3) - framework: dnxcore50, netstandard11, netstandard13, >= netstandard16
      System.IO.Compression (>= 4.3) - framework: netstandard13
      System.IO.FileSystem (>= 4.3) - framework: >= netstandard16
      System.Net.Primitives (>= 4.3) - framework: dnxcore50, netstandard11, netstandard13, >= netstandard16
      System.Resources.ResourceManager (>= 4.3) - framework: dnxcore50, netstandard13, >= netstandard16
      System.Runtime (>= 4.3) - framework: dnxcore50, netstandard11, netstandard13, >= netstandard16
      System.Runtime.Extensions (>= 4.3) - framework: dnxcore50, netstandard13, >= netstandard16
      System.Runtime.Handles (>= 4.3) - framework: netstandard13, >= netstandard16
      System.Runtime.InteropServices (>= 4.3) - framework: dnxcore50, netstandard13, >= netstandard16
      System.Security.Cryptography.Algorithms (>= 4.3) - framework: >= netstandard16
      System.Security.Cryptography.Encoding (>= 4.3) - framework: >= netstandard16
      System.Security.Cryptography.OpenSsl (>= 4.3) - framework: >= netstandard16
      System.Security.Cryptography.Primitives (>= 4.3) - framework: >= netstandard16
      System.Security.Cryptography.X509Certificates (>= 4.3) - framework: >= net46, dnxcore50, netstandard13, >= netstandard16
      System.Text.Encoding (>= 4.3) - framework: dnxcore50, netstandard11, netstandard13, >= netstandard16
      System.Threading (>= 4.3) - framework: dnxcore50, netstandard13, >= netstandard16
      System.Threading.Tasks (>= 4.3) - framework: dnxcore50, netstandard11, netstandard13, >= netstandard16
    System.Net.NameResolution (4.3) - framework: >= netstandard13
      Microsoft.NETCore.Platforms (>= 1.1) - framework: dnxcore50, >= netstandard13
      runtime.native.System (>= 4.3) - framework: >= netstandard13
      System.Collections (>= 4.3) - framework: dnxcore50, >= netstandard13
      System.Diagnostics.Tracing (>= 4.3) - framework: dnxcore50, >= netstandard13
      System.Globalization (>= 4.3) - framework: dnxcore50, >= netstandard13
      System.Net.Primitives (>= 4.3) - framework: dnxcore50, >= netstandard13
      System.Resources.ResourceManager (>= 4.3) - framework: dnxcore50, >= netstandard13
      System.Runtime (>= 4.3) - framework: dnxcore50, >= netstandard13
      System.Runtime.Extensions (>= 4.3) - framework: dnxcore50, >= netstandard13
      System.Runtime.Handles (>= 4.3) - framework: dnxcore50, >= netstandard13
      System.Runtime.InteropServices (>= 4.3) - framework: dnxcore50, >= netstandard13
      System.Security.Principal.Windows (>= 4.3) - framework: >= netstandard13
      System.Threading (>= 4.3) - framework: dnxcore50, >= netstandard13
      System.Threading.Tasks (>= 4.3) - framework: dnxcore50, >= netstandard13
    System.Net.Primitives (4.3) - framework: >= netstandard13
      Microsoft.NETCore.Platforms (>= 1.1) - framework: dnxcore50, netstandard10, netstandard11, >= netstandard13
      Microsoft.NETCore.Targets (>= 1.1) - framework: dnxcore50, netstandard10, netstandard11, >= netstandard13
      System.Runtime (>= 4.3) - framework: dnxcore50, netstandard10, netstandard11, >= netstandard13
      System.Runtime.Handles (>= 4.3) - framework: dnxcore50, >= netstandard13
    System.Net.Requests (4.3) - framework: >= netstandard13
      Microsoft.NETCore.Platforms (>= 1.1) - framework: >= netstandard13
      System.Collections (>= 4.3) - framework: dnxcore50, >= netstandard13
      System.Diagnostics.Debug (>= 4.3) - framework: dnxcore50, >= netstandard13
      System.Diagnostics.Tracing (>= 4.3) - framework: dnxcore50, >= netstandard13
      System.Globalization (>= 4.3) - framework: dnxcore50, >= netstandard13
      System.IO (>= 4.3) - framework: dnxcore50, netstandard10, netstandard11, >= netstandard13
      System.Net.Http (>= 4.3) - framework: dnxcore50, >= netstandard13
      System.Net.Primitives (>= 4.3) - framework: dnxcore50, netstandard10, netstandard11, >= netstandard13
      System.Net.WebHeaderCollection (>= 4.3) - framework: dnxcore50, >= netstandard13
      System.Resources.ResourceManager (>= 4.3) - framework: dnxcore50, >= netstandard13
      System.Runtime (>= 4.3) - framework: dnxcore50, netstandard10, netstandard11, >= netstandard13
      System.Threading (>= 4.3) - framework: dnxcore50, >= netstandard13
      System.Threading.Tasks (>= 4.3) - framework: dnxcore50, netstandard11, >= netstandard13
    System.Net.Security (4.3) - framework: >= netstandard13
      Microsoft.NETCore.Platforms (>= 1.1) - framework: netstandard13, >= netstandard16
      Microsoft.Win32.Primitives (>= 4.3) - framework: netstandard13, >= netstandard16
      runtime.native.System (>= 4.3) - framework: >= netstandard16
      runtime.native.System.Net.Security (>= 4.3) - framework: >= netstandard16
      runtime.native.System.Security.Cryptography.OpenSsl (>= 4.3) - framework: >= netstandard16
      System.Collections (>= 4.3) - framework: netstandard13, >= netstandard16
      System.Collections.Concurrent (>= 4.3) - framework: netstandard13, >= netstandard16
      System.Diagnostics.Tracing (>= 4.3) - framework: netstandard13, >= netstandard16
      System.Globalization (>= 4.3) - framework: netstandard13, >= netstandard16
      System.Globalization.Extensions (>= 4.3) - framework: >= netstandard16
      System.IO (>= 4.3) - framework: netstandard13, >= netstandard16
      System.Net.Primitives (>= 4.3) - framework: netstandard13, >= netstandard16
      System.Resources.ResourceManager (>= 4.3) - framework: netstandard13, >= netstandard16
      System.Runtime (>= 4.3) - framework: netstandard13, >= netstandard16
      System.Runtime.Extensions (>= 4.3) - framework: netstandard13, >= netstandard16
      System.Runtime.Handles (>= 4.3) - framework: netstandard13, >= netstandard16
      System.Runtime.InteropServices (>= 4.3) - framework: netstandard13, >= netstandard16
      System.Security.Claims (>= 4.3) - framework: netstandard13, >= netstandard16
      System.Security.Cryptography.Algorithms (>= 4.3) - framework: >= netstandard16
      System.Security.Cryptography.Encoding (>= 4.3) - framework: netstandard13, >= netstandard16
      System.Security.Cryptography.OpenSsl (>= 4.3) - framework: >= netstandard16
      System.Security.Cryptography.Primitives (>= 4.3) - framework: netstandard13, >= netstandard16
      System.Security.Cryptography.X509Certificates (>= 4.3) - framework: >= net46, netstandard13, >= netstandard16
      System.Security.Principal (>= 4.3) - framework: netstandard13, >= netstandard16
      System.Security.Principal.Windows (>= 4.3) - framework: netstandard13
      System.Text.Encoding (>= 4.3) - framework: >= netstandard16
      System.Threading (>= 4.3) - framework: netstandard13, >= netstandard16
      System.Threading.Tasks (>= 4.3) - framework: netstandard13, >= netstandard16
      System.Threading.ThreadPool (>= 4.3) - framework: netstandard13, >= netstandard16
    System.Net.Sockets (4.3) - framework: >= netstandard13
      Microsoft.NETCore.Platforms (>= 1.1) - framework: >= netstandard13
      Microsoft.NETCore.Targets (>= 1.1) - framework: >= netstandard13
      System.IO (>= 4.3) - framework: >= netstandard13
      System.Net.Primitives (>= 4.3) - framework: >= netstandard13
      System.Runtime (>= 4.3) - framework: >= netstandard13
      System.Threading.Tasks (>= 4.3) - framework: >= netstandard13
    System.Net.WebHeaderCollection (4.3) - framework: >= netstandard13
      System.Collections (>= 4.3) - framework: >= netstandard13
      System.Resources.ResourceManager (>= 4.3) - framework: >= netstandard13
      System.Runtime (>= 4.3) - framework: >= netstandard13
      System.Runtime.Extensions (>= 4.3) - framework: >= netstandard13
    System.ObjectModel (4.3) - framework: >= netstandard10
      System.Collections (>= 4.3) - framework: dnxcore50, >= netstandard13
      System.Diagnostics.Debug (>= 4.3) - framework: dnxcore50, >= netstandard13
      System.Resources.ResourceManager (>= 4.3) - framework: dnxcore50, >= netstandard13
      System.Runtime (>= 4.3) - framework: dnxcore50, netstandard10, >= netstandard13
      System.Threading (>= 4.3) - framework: dnxcore50, >= netstandard13
    System.Private.DataContractSerialization (4.3) - framework: >= netstandard13
      System.Collections (>= 4.3) - framework: dnxcore50, >= netstandard13
      System.Collections.Concurrent (>= 4.3) - framework: dnxcore50, >= netstandard13
      System.Diagnostics.Debug (>= 4.3) - framework: dnxcore50, >= netstandard13
      System.Globalization (>= 4.3) - framework: dnxcore50, >= netstandard13
      System.IO (>= 4.3) - framework: dnxcore50, >= netstandard13
      System.Linq (>= 4.3) - framework: dnxcore50, >= netstandard13
      System.Reflection (>= 4.3) - framework: dnxcore50, >= netstandard13
      System.Reflection.Emit.ILGeneration (>= 4.3) - framework: >= netstandard13
      System.Reflection.Emit.Lightweight (>= 4.3) - framework: >= netstandard13
      System.Reflection.Extensions (>= 4.3) - framework: dnxcore50, >= netstandard13
      System.Reflection.Primitives (>= 4.3) - framework: dnxcore50, >= netstandard13
      System.Reflection.TypeExtensions (>= 4.3) - framework: >= net46, dnxcore50, >= netstandard13
      System.Resources.ResourceManager (>= 4.3) - framework: dnxcore50, >= netstandard13
      System.Runtime (>= 4.3) - framework: dnxcore50, >= netstandard13
      System.Runtime.Extensions (>= 4.3) - framework: dnxcore50, >= netstandard13
      System.Runtime.Serialization.Primitives (>= 4.3) - framework: >= net46, dnxcore50, >= netstandard13
      System.Text.Encoding (>= 4.3) - framework: dnxcore50, >= netstandard13
      System.Text.Encoding.Extensions (>= 4.3) - framework: dnxcore50, >= netstandard13
      System.Text.RegularExpressions (>= 4.3) - framework: dnxcore50, >= netstandard13
      System.Threading (>= 4.3) - framework: dnxcore50, >= netstandard13
      System.Threading.Tasks (>= 4.3) - framework: dnxcore50, >= netstandard13
      System.Xml.ReaderWriter (>= 4.3) - framework: dnxcore50, >= netstandard13
      System.Xml.XDocument (>= 4.3) - framework: dnxcore50, >= netstandard13
      System.Xml.XmlDocument (>= 4.3) - framework: >= net46, dnxcore50, >= netstandard13
      System.Xml.XmlSerializer (>= 4.3) - framework: dnxcore50, >= netstandard13
    System.Reflection (4.3) - framework: dnxcore50, >= netstandard10
      Microsoft.NETCore.Platforms (>= 1.1) - framework: dnxcore50, netstandard10, netstandard13, >= netstandard15
      Microsoft.NETCore.Targets (>= 1.1) - framework: dnxcore50, netstandard10, netstandard13, >= netstandard15
      System.IO (>= 4.3) - framework: dnxcore50, netstandard10, netstandard13, >= netstandard15
      System.Reflection.Primitives (>= 4.3) - framework: dnxcore50, netstandard10, netstandard13, >= netstandard15
      System.Runtime (>= 4.3) - framework: dnxcore50, netstandard10, netstandard13, >= netstandard15
    System.Reflection.Emit (4.3) - framework: >= netstandard13
      System.IO (>= 4.3) - framework: >= netstandard11
      System.Reflection (>= 4.3) - framework: >= netstandard11
      System.Reflection.Emit.ILGeneration (>= 4.3) - framework: >= netstandard11
      System.Reflection.Primitives (>= 4.3) - framework: >= netstandard11
      System.Runtime (>= 4.3) - framework: >= netstandard11
    System.Reflection.Emit.ILGeneration (4.3) - framework: >= netstandard13
      System.Reflection (>= 4.3) - framework: >= netstandard10
      System.Reflection.Primitives (>= 4.3) - framework: >= netstandard10
      System.Runtime (>= 4.3) - framework: >= netstandard10
    System.Reflection.Emit.Lightweight (4.3) - framework: >= netstandard13
      System.Reflection (>= 4.3) - framework: >= netstandard10
      System.Reflection.Emit.ILGeneration (>= 4.3) - framework: >= netstandard10
      System.Reflection.Primitives (>= 4.3) - framework: >= netstandard10
      System.Runtime (>= 4.3) - framework: >= netstandard10
    System.Reflection.Extensions (4.3) - framework: >= netstandard10
      Microsoft.NETCore.Platforms (>= 1.1) - framework: dnxcore50, >= netstandard10
      Microsoft.NETCore.Targets (>= 1.1) - framework: dnxcore50, >= netstandard10
      System.Reflection (>= 4.3) - framework: dnxcore50, >= netstandard10
      System.Runtime (>= 4.3) - framework: dnxcore50, >= netstandard10
    System.Reflection.Metadata (1.3)
      System.Collections (>= 4.0.11) - framework: >= netstandard11
      System.Collections.Immutable (>= 1.1.37) - framework: portable-net45+win8
      System.Collections.Immutable (>= 1.2) - framework: >= net45, >= netstandard11, monoandroid, monotouch, xamarinios, xamarinmac, winv4.5, wpav8.1
      System.Diagnostics.Debug (>= 4.0.11) - framework: >= netstandard11
      System.IO (>= 4.1) - framework: >= netstandard11
      System.Linq (>= 4.1) - framework: >= netstandard11
      System.Reflection (>= 4.1) - framework: >= netstandard11
      System.Reflection.Extensions (>= 4.0.1) - framework: >= netstandard11
      System.Reflection.Primitives (>= 4.0.1) - framework: >= netstandard11
      System.Resources.ResourceManager (>= 4.0.1) - framework: >= netstandard11
      System.Runtime (>= 4.1) - framework: >= netstandard11
      System.Runtime.Extensions (>= 4.1) - framework: >= netstandard11
      System.Runtime.InteropServices (>= 4.1) - framework: >= netstandard11
      System.Text.Encoding (>= 4.0.11) - framework: >= netstandard11
      System.Text.Encoding.Extensions (>= 4.0.11) - framework: >= netstandard11
      System.Threading (>= 4.0.11) - framework: >= netstandard11
    System.Reflection.Primitives (4.3) - framework: dnxcore50, >= netstandard10
      Microsoft.NETCore.Platforms (>= 1.1) - framework: dnxcore50, >= netstandard10
      Microsoft.NETCore.Targets (>= 1.1) - framework: dnxcore50, >= netstandard10
      System.Runtime (>= 4.3) - framework: dnxcore50, >= netstandard10
    System.Reflection.TypeExtensions (4.3) - framework: >= netstandard13
      System.Reflection (>= 4.3) - framework: >= net462, dnxcore50, netstandard13, >= netstandard15
      System.Runtime (>= 4.3) - framework: dnxcore50, netstandard13, >= netstandard15
    System.Resources.ResourceManager (4.3) - framework: dnxcore50, >= netstandard10
      Microsoft.NETCore.Platforms (>= 1.1) - framework: dnxcore50, >= netstandard10
      Microsoft.NETCore.Targets (>= 1.1) - framework: dnxcore50, >= netstandard10
      System.Globalization (>= 4.3) - framework: dnxcore50, >= netstandard10
      System.Reflection (>= 4.3) - framework: dnxcore50, >= netstandard10
      System.Runtime (>= 4.3) - framework: dnxcore50, >= netstandard10
    System.Runtime (4.3) - framework: dnxcore50, >= netstandard10
      Microsoft.NETCore.Platforms (>= 1.1) - framework: dnxcore50, netstandard10, netstandard12, netstandard13, >= netstandard15
      Microsoft.NETCore.Targets (>= 1.1) - framework: dnxcore50, netstandard10, netstandard12, netstandard13, >= netstandard15
    System.Runtime.Extensions (4.3) - framework: dnxcore50, >= netstandard10
      Microsoft.NETCore.Platforms (>= 1.1) - framework: dnxcore50, netstandard10, netstandard13, >= netstandard15
      Microsoft.NETCore.Targets (>= 1.1) - framework: dnxcore50, netstandard10, netstandard13, >= netstandard15
      System.Runtime (>= 4.3) - framework: dnxcore50, netstandard10, netstandard13, >= netstandard15
    System.Runtime.Handles (4.3) - framework: >= netstandard13
      Microsoft.NETCore.Platforms (>= 1.1) - framework: >= netstandard13
      Microsoft.NETCore.Targets (>= 1.1) - framework: >= netstandard13
      System.Runtime (>= 4.3) - framework: >= netstandard13
    System.Runtime.InteropServices (4.3) - framework: >= netstandard11
      Microsoft.NETCore.Platforms (>= 1.1) - framework: dnxcore50, netstandard11, netstandard12, netstandard13, >= netstandard15
      Microsoft.NETCore.Targets (>= 1.1) - framework: dnxcore50, netstandard11, netstandard12, netstandard13, >= netstandard15
      System.Reflection (>= 4.3) - framework: dnxcore50, netstandard11, netstandard12, netstandard13, >= netstandard15
      System.Reflection.Primitives (>= 4.3) - framework: dnxcore50, netstandard11, netstandard12, netstandard13, >= netstandard15
      System.Runtime (>= 4.3) - framework: net462, >= net463, dnxcore50, netstandard11, netstandard12, netstandard13, >= netstandard15
      System.Runtime.Handles (>= 4.3) - framework: dnxcore50, netstandard13, >= netstandard15
    System.Runtime.InteropServices.RuntimeInformation (4.3) - framework: >= netstandard13
      runtime.native.System (>= 4.3) - framework: >= netstandard11
      System.Reflection (>= 4.3) - framework: dnxcore50, >= netstandard11
      System.Reflection.Extensions (>= 4.3) - framework: dnxcore50, >= netstandard11
      System.Resources.ResourceManager (>= 4.3) - framework: dnxcore50, >= netstandard11
      System.Runtime (>= 4.3) - framework: dnxcore50, >= netstandard11
      System.Runtime.InteropServices (>= 4.3) - framework: >= netstandard11
      System.Threading (>= 4.3) - framework: dnxcore50, >= netstandard11
    System.Runtime.Numerics (4.3) - framework: >= netstandard13
      System.Globalization (>= 4.3) - framework: dnxcore50, >= netstandard13
      System.Resources.ResourceManager (>= 4.3) - framework: dnxcore50, >= netstandard13
      System.Runtime (>= 4.3) - framework: dnxcore50, netstandard11, >= netstandard13
      System.Runtime.Extensions (>= 4.3) - framework: dnxcore50, >= netstandard13
    System.Runtime.Serialization.Json (4.3) - framework: >= netstandard14
      System.IO (>= 4.3) - framework: dnxcore50, netstandard10, >= netstandard13
      System.Private.DataContractSerialization (>= 4.3) - framework: dnxcore50, >= netstandard13
      System.Runtime (>= 4.3) - framework: dnxcore50, netstandard10, >= netstandard13
    System.Runtime.Serialization.Primitives (4.3) - framework: >= netstandard10
      System.Resources.ResourceManager (>= 4.3) - framework: dnxcore50, >= netstandard13
      System.Runtime (>= 4.3) - framework: dnxcore50, netstandard10, >= netstandard13
    System.Runtime.Serialization.Xml (4.3) - framework: >= netstandard13
      System.IO (>= 4.3) - framework: dnxcore50, netstandard10, >= netstandard13
      System.Private.DataContractSerialization (>= 4.3) - framework: dnxcore50, >= netstandard13
      System.Runtime (>= 4.3) - framework: dnxcore50, netstandard10, >= netstandard13
      System.Runtime.Serialization.Primitives (>= 4.3) - framework: >= net46, dnxcore50, >= netstandard13
      System.Text.Encoding (>= 4.3) - framework: dnxcore50, netstandard10, >= netstandard13
      System.Xml.ReaderWriter (>= 4.3) - framework: dnxcore50, netstandard10, >= netstandard13
    System.Security.Claims (4.3) - framework: >= netstandard13
      System.Collections (>= 4.3) - framework: >= netstandard13
      System.Globalization (>= 4.3) - framework: >= netstandard13
      System.IO (>= 4.3) - framework: >= netstandard13
      System.Resources.ResourceManager (>= 4.3) - framework: >= netstandard13
      System.Runtime (>= 4.3) - framework: >= netstandard13
      System.Runtime.Extensions (>= 4.3) - framework: >= netstandard13
      System.Security.Principal (>= 4.3) - framework: >= netstandard13
    System.Security.Cryptography.Algorithms (4.3) - framework: >= netstandard13
      Microsoft.NETCore.Platforms (>= 1.1) - framework: dnxcore50, >= netstandard16
      runtime.native.System.Security.Cryptography.Apple (>= 4.3) - framework: >= netstandard16
      runtime.native.System.Security.Cryptography.OpenSsl (>= 4.3) - framework: >= netstandard16
      System.Collections (>= 4.3) - framework: >= netstandard16
      System.IO (>= 4.3) - framework: >= net463, dnxcore50, netstandard13, netstandard14, >= netstandard16
      System.Resources.ResourceManager (>= 4.3) - framework: dnxcore50, >= netstandard16
      System.Runtime (>= 4.3) - framework: >= net463, dnxcore50, netstandard13, netstandard14, >= netstandard16
      System.Runtime.Extensions (>= 4.3) - framework: dnxcore50, >= netstandard16
      System.Runtime.Handles (>= 4.3) - framework: dnxcore50, >= netstandard16
      System.Runtime.InteropServices (>= 4.3) - framework: dnxcore50, >= netstandard16
      System.Runtime.Numerics (>= 4.3) - framework: >= netstandard16
      System.Security.Cryptography.Encoding (>= 4.3) - framework: >= net463, dnxcore50, >= netstandard16
      System.Security.Cryptography.Primitives (>= 4.3) - framework: net46, net461, >= net463, dnxcore50, netstandard13, netstandard14, >= netstandard16
      System.Text.Encoding (>= 4.3) - framework: dnxcore50, >= netstandard16
    System.Security.Cryptography.Cng (4.3) - framework: >= netstandard16
      Microsoft.NETCore.Platforms (>= 1.1) - framework: netstandard14, >= netstandard16
      System.IO (>= 4.3) - framework: netstandard13, netstandard14, >= netstandard16
      System.Resources.ResourceManager (>= 4.3) - framework: netstandard14, >= netstandard16
      System.Runtime (>= 4.3) - framework: netstandard13, netstandard14, >= netstandard16
      System.Runtime.Extensions (>= 4.3) - framework: netstandard14, >= netstandard16
      System.Runtime.Handles (>= 4.3) - framework: netstandard13, netstandard14, >= netstandard16
      System.Runtime.InteropServices (>= 4.3) - framework: netstandard14, >= netstandard16
      System.Security.Cryptography.Algorithms (>= 4.3) - framework: net46, net461, >= net463, netstandard13, netstandard14, >= netstandard16
      System.Security.Cryptography.Encoding (>= 4.3) - framework: netstandard14, >= netstandard16
      System.Security.Cryptography.Primitives (>= 4.3) - framework: net46, net461, >= net463, netstandard13, netstandard14, >= netstandard16
      System.Text.Encoding (>= 4.3) - framework: netstandard14, >= netstandard16
    System.Security.Cryptography.Csp (4.3) - framework: >= netstandard13
      Microsoft.NETCore.Platforms (>= 1.1) - framework: >= netstandard13
      System.IO (>= 4.3) - framework: >= netstandard13
      System.Reflection (>= 4.3) - framework: >= netstandard13
      System.Resources.ResourceManager (>= 4.3) - framework: >= netstandard13
      System.Runtime (>= 4.3) - framework: >= netstandard13
      System.Runtime.Extensions (>= 4.3) - framework: >= netstandard13
      System.Runtime.Handles (>= 4.3) - framework: >= netstandard13
      System.Runtime.InteropServices (>= 4.3) - framework: >= netstandard13
      System.Security.Cryptography.Algorithms (>= 4.3) - framework: >= net46, >= netstandard13
      System.Security.Cryptography.Encoding (>= 4.3) - framework: >= netstandard13
      System.Security.Cryptography.Primitives (>= 4.3) - framework: >= net46, >= netstandard13
      System.Text.Encoding (>= 4.3) - framework: >= netstandard13
      System.Threading (>= 4.3) - framework: >= netstandard13
    System.Security.Cryptography.Encoding (4.3) - framework: >= netstandard13
      Microsoft.NETCore.Platforms (>= 1.1) - framework: >= netstandard13
      runtime.native.System.Security.Cryptography.OpenSsl (>= 4.3) - framework: >= netstandard13
      System.Collections (>= 4.3) - framework: >= netstandard13
      System.Collections.Concurrent (>= 4.3) - framework: >= netstandard13
      System.Linq (>= 4.3) - framework: >= netstandard13
      System.Resources.ResourceManager (>= 4.3) - framework: >= netstandard13
      System.Runtime (>= 4.3) - framework: >= netstandard13
      System.Runtime.Extensions (>= 4.3) - framework: >= netstandard13
      System.Runtime.Handles (>= 4.3) - framework: >= netstandard13
      System.Runtime.InteropServices (>= 4.3) - framework: >= netstandard13
      System.Security.Cryptography.Primitives (>= 4.3) - framework: >= netstandard13
      System.Text.Encoding (>= 4.3) - framework: >= netstandard13
    System.Security.Cryptography.OpenSsl (4.3) - framework: >= netstandard16
      runtime.native.System.Security.Cryptography.OpenSsl (>= 4.3)
      System.Collections (>= 4.3) - framework: >= netstandard16
      System.IO (>= 4.3) - framework: >= net463, >= netstandard16
      System.Resources.ResourceManager (>= 4.3) - framework: >= netstandard16
      System.Runtime (>= 4.3) - framework: >= net463, >= netstandard16
      System.Runtime.Extensions (>= 4.3) - framework: >= net463, >= netstandard16
      System.Runtime.Handles (>= 4.3) - framework: >= netstandard16
      System.Runtime.InteropServices (>= 4.3) - framework: >= netstandard16
      System.Runtime.Numerics (>= 4.3) - framework: >= netstandard16
      System.Security.Cryptography.Algorithms (>= 4.3) - framework: >= net463, >= netstandard16
      System.Security.Cryptography.Encoding (>= 4.3) - framework: >= net463, >= netstandard16
      System.Security.Cryptography.Primitives (>= 4.3) - framework: >= net463, >= netstandard16
      System.Text.Encoding (>= 4.3) - framework: >= netstandard16
    System.Security.Cryptography.Primitives (4.3) - framework: >= netstandard13
      System.Diagnostics.Debug (>= 4.3) - framework: >= netstandard13
      System.Globalization (>= 4.3) - framework: >= netstandard13
      System.IO (>= 4.3) - framework: >= netstandard13
      System.Resources.ResourceManager (>= 4.3) - framework: >= netstandard13
      System.Runtime (>= 4.3) - framework: >= netstandard13
      System.Threading (>= 4.3) - framework: >= netstandard13
      System.Threading.Tasks (>= 4.3) - framework: >= netstandard13
    System.Security.Cryptography.X509Certificates (4.3) - framework: >= netstandard13
      Microsoft.NETCore.Platforms (>= 1.1) - framework: dnxcore50, >= netstandard16
      runtime.native.System (>= 4.3) - framework: >= netstandard16
      runtime.native.System.Net.Http (>= 4.3) - framework: >= netstandard16
      runtime.native.System.Security.Cryptography.OpenSsl (>= 4.3) - framework: >= netstandard16
      System.Collections (>= 4.3) - framework: dnxcore50, >= netstandard16
      System.Diagnostics.Debug (>= 4.3) - framework: >= netstandard16
      System.Globalization (>= 4.3) - framework: dnxcore50, >= netstandard16
      System.Globalization.Calendars (>= 4.3) - framework: dnxcore50, >= netstandard16
      System.IO (>= 4.3) - framework: dnxcore50, >= netstandard16
      System.IO.FileSystem (>= 4.3) - framework: dnxcore50, >= netstandard16
      System.IO.FileSystem.Primitives (>= 4.3) - framework: >= netstandard16
      System.Resources.ResourceManager (>= 4.3) - framework: dnxcore50, >= netstandard16
      System.Runtime (>= 4.3) - framework: dnxcore50, netstandard13, netstandard14, >= netstandard16
      System.Runtime.Extensions (>= 4.3) - framework: dnxcore50, >= netstandard16
      System.Runtime.Handles (>= 4.3) - framework: dnxcore50, netstandard13, netstandard14, >= netstandard16
      System.Runtime.InteropServices (>= 4.3) - framework: dnxcore50, >= netstandard16
      System.Runtime.Numerics (>= 4.3) - framework: dnxcore50, >= netstandard16
      System.Security.Cryptography.Algorithms (>= 4.3) - framework: net46, >= net461, dnxcore50, netstandard13, netstandard14, >= netstandard16
      System.Security.Cryptography.Cng (>= 4.3) - framework: dnxcore50, >= netstandard16
      System.Security.Cryptography.Csp (>= 4.3) - framework: >= netstandard16
      System.Security.Cryptography.Encoding (>= 4.3) - framework: net46, >= net461, dnxcore50, netstandard13, netstandard14, >= netstandard16
      System.Security.Cryptography.OpenSsl (>= 4.3) - framework: >= netstandard16
      System.Security.Cryptography.Primitives (>= 4.3) - framework: dnxcore50, >= netstandard16
      System.Text.Encoding (>= 4.3) - framework: dnxcore50, >= netstandard16
      System.Threading (>= 4.3) - framework: dnxcore50, >= netstandard16
    System.Security.Principal (4.3) - framework: >= netstandard13
      System.Runtime (>= 4.3) - framework: dnxcore50, >= netstandard10
    System.Security.Principal.Windows (4.3) - framework: >= netstandard13
      Microsoft.NETCore.Platforms (>= 1.1) - framework: >= netstandard13
      Microsoft.Win32.Primitives (>= 4.3) - framework: >= netstandard13
      System.Collections (>= 4.3) - framework: >= netstandard13
      System.Diagnostics.Debug (>= 4.3) - framework: >= netstandard13
      System.Reflection (>= 4.3) - framework: >= netstandard13
      System.Resources.ResourceManager (>= 4.3) - framework: >= netstandard13
      System.Runtime (>= 4.3) - framework: >= netstandard13
      System.Runtime.Extensions (>= 4.3) - framework: >= netstandard13
      System.Runtime.Handles (>= 4.3) - framework: >= netstandard13
      System.Runtime.InteropServices (>= 4.3) - framework: >= netstandard13
      System.Security.Claims (>= 4.3) - framework: >= net46, >= netstandard13
      System.Security.Principal (>= 4.3) - framework: >= netstandard13
      System.Text.Encoding (>= 4.3) - framework: >= netstandard13
      System.Threading (>= 4.3) - framework: >= netstandard13
    System.Text.Encoding (4.3) - framework: dnxcore50, >= netstandard10
      Microsoft.NETCore.Platforms (>= 1.1) - framework: dnxcore50, netstandard10, >= netstandard13
      Microsoft.NETCore.Targets (>= 1.1) - framework: dnxcore50, netstandard10, >= netstandard13
      System.Runtime (>= 4.3) - framework: dnxcore50, netstandard10, >= netstandard13
    System.Text.Encoding.CodePages (4.3) - framework: >= netstandard13
      Microsoft.NETCore.Platforms (>= 1.1) - framework: >= netstandard13
      System.Collections (>= 4.3) - framework: >= netstandard13
      System.Globalization (>= 4.3) - framework: >= netstandard13
      System.IO (>= 4.3) - framework: >= netstandard13
      System.Reflection (>= 4.3) - framework: >= netstandard13
      System.Resources.ResourceManager (>= 4.3) - framework: >= netstandard13
      System.Runtime (>= 4.3) - framework: >= netstandard13
      System.Runtime.Extensions (>= 4.3) - framework: >= netstandard13
      System.Runtime.Handles (>= 4.3) - framework: >= netstandard13
      System.Runtime.InteropServices (>= 4.3) - framework: >= netstandard13
      System.Text.Encoding (>= 4.3) - framework: >= netstandard13
      System.Threading (>= 4.3) - framework: >= netstandard13
    System.Text.Encoding.Extensions (4.3) - framework: >= netstandard10
      Microsoft.NETCore.Platforms (>= 1.1) - framework: dnxcore50, netstandard10, >= netstandard13
      Microsoft.NETCore.Targets (>= 1.1) - framework: dnxcore50, netstandard10, >= netstandard13
      System.Runtime (>= 4.3) - framework: dnxcore50, netstandard10, >= netstandard13
      System.Text.Encoding (>= 4.3) - framework: dnxcore50, netstandard10, >= netstandard13
    System.Text.RegularExpressions (4.3) - framework: >= netstandard10
      System.Collections (>= 4.3) - framework: dnxcore50, >= netstandard16
      System.Globalization (>= 4.3) - framework: dnxcore50, >= netstandard16
      System.Resources.ResourceManager (>= 4.3) - framework: dnxcore50, >= netstandard16
      System.Runtime (>= 4.3) - framework: dnxcore50, netstandard10, netstandard13, >= netstandard16
      System.Runtime.Extensions (>= 4.3) - framework: dnxcore50, >= netstandard16
      System.Threading (>= 4.3) - framework: dnxcore50, >= netstandard16
    System.Threading (4.3) - framework: dnxcore50, >= netstandard10
      System.Runtime (>= 4.3) - framework: dnxcore50, netstandard10, >= netstandard13
      System.Threading.Tasks (>= 4.3) - framework: dnxcore50, netstandard10, >= netstandard13
    System.Threading.Overlapped (4.3) - framework: >= netstandard13
      Microsoft.NETCore.Platforms (>= 1.1) - framework: dnxcore50, >= netstandard13
      System.Resources.ResourceManager (>= 4.3) - framework: dnxcore50, >= netstandard13
      System.Runtime (>= 4.3) - framework: dnxcore50, >= netstandard13
      System.Runtime.Handles (>= 4.3) - framework: dnxcore50, >= netstandard13
    System.Threading.Tasks (4.3) - framework: dnxcore50, >= netstandard10
      Microsoft.NETCore.Platforms (>= 1.1) - framework: dnxcore50, netstandard10, >= netstandard13
      Microsoft.NETCore.Targets (>= 1.1) - framework: dnxcore50, netstandard10, >= netstandard13
      System.Runtime (>= 4.3) - framework: dnxcore50, netstandard10, >= netstandard13
    System.Threading.Tasks.Extensions (4.3) - framework: >= netstandard13
      System.Collections (>= 4.3) - framework: >= netstandard10
      System.Runtime (>= 4.3) - framework: >= netstandard10
      System.Threading.Tasks (>= 4.3) - framework: >= netstandard10
    System.Threading.Thread (4.3) - framework: >= netstandard13
      System.Runtime (>= 4.3) - framework: >= netstandard13
    System.Threading.ThreadPool (4.3) - framework: >= netstandard13
      System.Runtime (>= 4.3) - framework: >= netstandard13
      System.Runtime.Handles (>= 4.3) - framework: >= netstandard13
    System.Threading.Timer (4.3) - framework: >= netstandard13
      Microsoft.NETCore.Platforms (>= 1.1) - framework: dnxcore50, >= netstandard12
      Microsoft.NETCore.Targets (>= 1.1) - framework: dnxcore50, >= netstandard12
      System.Runtime (>= 4.3) - framework: dnxcore50, >= netstandard12
    System.Xml.ReaderWriter (4.3) - framework: >= netstandard10
      System.Collections (>= 4.3) - framework: dnxcore50, >= netstandard13
      System.Diagnostics.Debug (>= 4.3) - framework: dnxcore50, >= netstandard13
      System.Globalization (>= 4.3) - framework: dnxcore50, >= netstandard13
      System.IO (>= 4.3) - framework: dnxcore50, netstandard10, >= netstandard13
      System.IO.FileSystem (>= 4.3) - framework: dnxcore50, >= netstandard13
      System.IO.FileSystem.Primitives (>= 4.3) - framework: dnxcore50, >= netstandard13
      System.Resources.ResourceManager (>= 4.3) - framework: dnxcore50, >= netstandard13
      System.Runtime (>= 4.3) - framework: dnxcore50, netstandard10, >= netstandard13
      System.Runtime.Extensions (>= 4.3) - framework: dnxcore50, >= netstandard13
      System.Runtime.InteropServices (>= 4.3) - framework: dnxcore50, >= netstandard13
      System.Text.Encoding (>= 4.3) - framework: dnxcore50, netstandard10, >= netstandard13
      System.Text.Encoding.Extensions (>= 4.3) - framework: dnxcore50, >= netstandard13
      System.Text.RegularExpressions (>= 4.3) - framework: dnxcore50, >= netstandard13
      System.Threading.Tasks (>= 4.3) - framework: dnxcore50, netstandard10, >= netstandard13
      System.Threading.Tasks.Extensions (>= 4.3) - framework: dnxcore50, >= netstandard13
    System.Xml.XDocument (4.3) - framework: >= netstandard10
      System.Collections (>= 4.3) - framework: dnxcore50, >= netstandard13
      System.Diagnostics.Debug (>= 4.3) - framework: dnxcore50, >= netstandard13
      System.Diagnostics.Tools (>= 4.3) - framework: dnxcore50, >= netstandard13
      System.Globalization (>= 4.3) - framework: dnxcore50, >= netstandard13
      System.IO (>= 4.3) - framework: dnxcore50, netstandard10, >= netstandard13
      System.Reflection (>= 4.3) - framework: dnxcore50, >= netstandard13
      System.Resources.ResourceManager (>= 4.3) - framework: dnxcore50, >= netstandard13
      System.Runtime (>= 4.3) - framework: dnxcore50, netstandard10, >= netstandard13
      System.Runtime.Extensions (>= 4.3) - framework: dnxcore50, >= netstandard13
      System.Text.Encoding (>= 4.3) - framework: dnxcore50, >= netstandard13
      System.Threading (>= 4.3) - framework: dnxcore50, >= netstandard13
      System.Xml.ReaderWriter (>= 4.3) - framework: dnxcore50, netstandard10, >= netstandard13
    System.Xml.XmlDocument (4.3) - framework: >= netstandard13
      System.Collections (>= 4.3) - framework: >= netstandard13
      System.Diagnostics.Debug (>= 4.3) - framework: >= netstandard13
      System.Globalization (>= 4.3) - framework: >= netstandard13
      System.IO (>= 4.3) - framework: >= netstandard13
      System.Resources.ResourceManager (>= 4.3) - framework: >= netstandard13
      System.Runtime (>= 4.3) - framework: >= netstandard13
      System.Runtime.Extensions (>= 4.3) - framework: >= netstandard13
      System.Text.Encoding (>= 4.3) - framework: >= netstandard13
      System.Threading (>= 4.3) - framework: >= netstandard13
      System.Xml.ReaderWriter (>= 4.3) - framework: >= netstandard13
    System.Xml.XmlSerializer (4.3) - framework: >= netstandard13
      System.Collections (>= 4.3) - framework: dnxcore50, >= netstandard13
      System.Globalization (>= 4.3) - framework: dnxcore50, >= netstandard13
      System.IO (>= 4.3) - framework: dnxcore50, netstandard10, >= netstandard13
      System.Linq (>= 4.3) - framework: dnxcore50, >= netstandard13
      System.Reflection (>= 4.3) - framework: dnxcore50, >= netstandard13
      System.Reflection.Emit (>= 4.3) - framework: dnxcore50, >= netstandard13
      System.Reflection.Emit.ILGeneration (>= 4.3) - framework: dnxcore50, >= netstandard13
      System.Reflection.Extensions (>= 4.3) - framework: dnxcore50, >= netstandard13
      System.Reflection.Primitives (>= 4.3) - framework: dnxcore50, >= netstandard13
      System.Reflection.TypeExtensions (>= 4.3) - framework: dnxcore50, >= netstandard13
      System.Resources.ResourceManager (>= 4.3) - framework: dnxcore50, >= netstandard13
      System.Runtime (>= 4.3) - framework: dnxcore50, netstandard10, >= netstandard13
      System.Runtime.Extensions (>= 4.3) - framework: dnxcore50, >= netstandard13
      System.Text.RegularExpressions (>= 4.3) - framework: dnxcore50, >= netstandard13
      System.Threading (>= 4.3) - framework: dnxcore50, >= netstandard13
      System.Xml.ReaderWriter (>= 4.3) - framework: dnxcore50, netstandard10, >= netstandard13
      System.Xml.XmlDocument (>= 4.3) - framework: dnxcore50, >= netstandard13
    System.Xml.XPath (4.3) - framework: >= netstandard13
      System.Collections (>= 4.3) - framework: >= netstandard13
      System.Diagnostics.Debug (>= 4.3) - framework: >= netstandard13
      System.Globalization (>= 4.3) - framework: >= netstandard13
      System.IO (>= 4.3) - framework: >= netstandard13
      System.Resources.ResourceManager (>= 4.3) - framework: >= netstandard13
      System.Runtime (>= 4.3) - framework: >= netstandard13
      System.Runtime.Extensions (>= 4.3) - framework: >= netstandard13
      System.Threading (>= 4.3) - framework: >= netstandard13
      System.Xml.ReaderWriter (>= 4.3) - framework: >= netstandard13
    System.Xml.XPath.XmlDocument (4.3) - framework: >= netstandard13
      System.Collections (>= 4.3) - framework: >= netstandard13
      System.Globalization (>= 4.3) - framework: >= netstandard13
      System.IO (>= 4.3) - framework: >= netstandard13
      System.Resources.ResourceManager (>= 4.3) - framework: >= netstandard13
      System.Runtime (>= 4.3) - framework: >= netstandard13
      System.Runtime.Extensions (>= 4.3) - framework: >= netstandard13
      System.Threading (>= 4.3) - framework: >= netstandard13
      System.Xml.ReaderWriter (>= 4.3) - framework: >= netstandard13
      System.Xml.XmlDocument (>= 4.3) - framework: >= net46, >= netstandard13
      System.Xml.XPath (>= 4.3) - framework: >= net46, >= netstandard13
    WebActivatorEx (2.2)
      Microsoft.Web.Infrastructure (>= 1.0)
    WindowsAPICodePack-Core (1.1.2)
    WindowsAzure.ServiceBus (3.4.3) - framework: >= net45

GROUP Analyzer
NUGET
  remote: https://www.nuget.org/api/v2
    Microsoft.CodeAnalysis.Analyzers (1.0)
    Microsoft.CodeAnalysis.Common (1.0)
      Microsoft.CodeAnalysis.Analyzers (1.0)
      System.Collections.Immutable (>= 1.1.36)
      System.Reflection.Metadata (>= 1.0.21)
    Microsoft.CodeAnalysis.CSharp (1.0)
      Microsoft.CodeAnalysis.Common (1.0)
    Microsoft.CodeAnalysis.CSharp.Workspaces (1.0)
      Microsoft.CodeAnalysis.CSharp (1.0)
      Microsoft.CodeAnalysis.Workspaces.Common (1.0)
    Microsoft.CodeAnalysis.Workspaces.Common (1.0)
      Microsoft.CodeAnalysis.Common (1.0)
      Microsoft.Composition (>= 1.0.27)
    Microsoft.Composition (1.0.27)
    System.Collections.Immutable (1.1.36)
    System.Reflection.Metadata (1.0.21)
      System.Collections.Immutable (>= 1.1.36)
