FRAMEWORK: NET46
NUGET
  remote: http://packages.ap.aderant.com/packages/nuget
    Aderant.Build.Analyzer (1.2.1)
  remote: https://www.nuget.org/api/v2
    Castle.Core (4.0)
    Microsoft.AspNet.WebApi.Client (5.2.2)
      Newtonsoft.Json (>= 6.0.4)
    Microsoft.AspNet.WebApi.Core (5.2.2)
      Microsoft.AspNet.WebApi.Client (>= 5.2.2)
    Microsoft.AspNet.WebApi.WebHost (5.2.2)
      Microsoft.AspNet.WebApi.Core (>= 5.2.2 < 5.3)
    Microsoft.AspNet.WebHooks.Common (1.2.1)
      Microsoft.AspNet.WebApi.Core (>= 5.2.2)
    Microsoft.AspNet.WebHooks.Receivers (1.2.1)
      Microsoft.AspNet.WebApi.Core (>= 5.2.2)
      Microsoft.AspNet.WebHooks.Common (>= 1.2.1)
    Microsoft.AspNet.WebHooks.Receivers.Generic (1.2.1)
      Microsoft.AspNet.WebApi.Core (>= 5.2.2)
      Microsoft.AspNet.WebHooks.Common (>= 1.2.1)
      Microsoft.AspNet.WebHooks.Receivers (>= 1.2.1)
    Microsoft.AspNet.WebHooks.Receivers.VSTS (1.2.1)
      Microsoft.AspNet.WebApi.Core (>= 5.2.2)
      Microsoft.AspNet.WebHooks.Common (>= 1.2.1)
      Microsoft.AspNet.WebHooks.Receivers (>= 1.2.1)
    Microsoft.CodeAnalysis.Analyzers (1.1)
    Microsoft.CodeAnalysis.Common (1.2.2)
      Microsoft.CodeAnalysis.Analyzers (>= 1.1)
      System.Collections.Immutable (>= 1.1.37)
      System.Reflection.Metadata (>= 1.2)
    Microsoft.CodeAnalysis.CSharp (1.2.2)
      Microsoft.CodeAnalysis.Common (1.2.2)
    Microsoft.CodeAnalysis.CSharp.Workspaces (1.2.2)
      Microsoft.CodeAnalysis.CSharp (1.2.2)
      Microsoft.CodeAnalysis.Workspaces.Common (1.2.2)
    Microsoft.CodeAnalysis.Workspaces.Common (1.2.2)
      Microsoft.CodeAnalysis.Common (1.2.2)
      Microsoft.Composition (>= 1.0.27)
    Microsoft.CodeDom.Providers.DotNetCompilerPlatform (1.0)
      Microsoft.Net.Compilers (>= 1.0)
    Microsoft.Composition (1.0.30)
    Microsoft.IdentityModel.Clients.ActiveDirectory (3.13.9)
    Microsoft.Net.Compilers (1.0)
    Microsoft.TeamFoundationServer.Client (15.104.0-preview)
      Microsoft.AspNet.WebApi.Client (>= 5.2.2)
      Microsoft.VisualStudio.Services.Client (15.104.0-preview)
      Newtonsoft.Json (>= 8.0.3)
    Microsoft.TeamFoundationServer.ExtendedClient (15.104.0-preview)
      Microsoft.AspNet.WebApi.Client (>= 5.2.2)
      Microsoft.AspNet.WebApi.Core (>= 5.2.2)
      Microsoft.IdentityModel.Clients.ActiveDirectory (>= 2.23.302261847)
      Microsoft.TeamFoundationServer.Client (15.104.0-preview)
      Microsoft.VisualStudio.Services.Client (15.104.0-preview)
      Microsoft.VisualStudio.Services.InteractiveClient (15.104.0-preview)
      Newtonsoft.Json (>= 8.0.3)
      System.IdentityModel.Tokens.Jwt (>= 4.0.2.206221351)
    Microsoft.VisualStudio.Services.Client (15.104.0-preview)
      Microsoft.AspNet.WebApi.Client (>= 5.2.2)
      Newtonsoft.Json (>= 8.0.3)
    Microsoft.VisualStudio.Services.InteractiveClient (15.104.0-preview)
      Microsoft.AspNet.WebApi.Client (>= 5.2.2)
      Microsoft.IdentityModel.Clients.ActiveDirectory (>= 2.23.302261847)
      Microsoft.VisualStudio.Services.Client (15.104.0-preview)
      Newtonsoft.Json (>= 8.0.3)
      System.IdentityModel.Tokens.Jwt (>= 4.0.2.206221351)
      WindowsAzure.ServiceBus (>= 2.5.1)
    Microsoft.Web.Infrastructure (1.0)
    Microsoft.Web.Xdt (2.1.1)
    Microsoft.WindowsAPICodePack-Core (1.1.0.2)
    Microsoft.WindowsAPICodePack-Shell (1.1)
      Microsoft.WindowsAPICodePack-Core (>= 1.1)
    Moq (4.7.8)
      Castle.Core (>= 4.0)
    Newtonsoft.Json (8.0.3)
    RouteMagic (1.3)
    System.Collections.Immutable (1.1.37)
    System.IdentityModel.Tokens.Jwt (4.0.4.403061554)
    System.Reflection.Metadata (1.2)
      System.Collections.Immutable (>= 1.1.37)
    WebActivatorEx (2.2)
      Microsoft.Web.Infrastructure (>= 1.0)
    WindowsAPICodePack-Core (1.1.2)
    WindowsAzure.ServiceBus (4.0)

GROUP Analyzer
NUGET
  remote: https://www.nuget.org/api/v2
    Microsoft.CodeAnalysis.Analyzers (1.0)
    Microsoft.CodeAnalysis.Common (1.0)
      Microsoft.CodeAnalysis.Analyzers (1.0)
      System.Collections.Immutable (>= 1.1.36)
      System.Reflection.Metadata (>= 1.0.21)
    Microsoft.CodeAnalysis.CSharp (1.0)
      Microsoft.CodeAnalysis.Common (1.0)
    Microsoft.CodeAnalysis.CSharp.Workspaces (1.0)
      Microsoft.CodeAnalysis.CSharp (1.0)
      Microsoft.CodeAnalysis.Workspaces.Common (1.0)
    Microsoft.CodeAnalysis.Workspaces.Common (1.0)
      Microsoft.CodeAnalysis.Common (1.0)
      Microsoft.Composition (>= 1.0.27)
    Microsoft.Composition (1.0.27)
    System.Collections.Immutable (1.1.36)
    System.Reflection.Metadata (1.0.21)
      System.Collections.Immutable (>= 1.1.36)
