REFERENCES: STRICT
RESTRICTION: == net48
NUGET
  remote: https://api.nuget.org/v3/index.json
    LibGit2Sharp (0.27.0-preview-0175)
      LibGit2Sharp.NativeBinaries (2.0.315-alpha.0.9)
    LibGit2Sharp.NativeBinaries (2.0.315-alpha.0.9)
    Microsoft.Build.Locator (1.4.1)
    MSBuildTasks (1.5.0.235)
    Newtonsoft.Json (10.0.3)
    System.Numerics.Vectors (4.5)
    System.Threading.Tasks.Dataflow (4.9)
HTTP
  remote: https://www.7-zip.org
    7z1900-extra.7z (/a/7z1900-extra.7z)
    7zr.exe (/a/7zr.exe)
  remote: https://tfs.aderant.com
    NuGet.CredentialProvider.zip (/tfs/ADERANT/f0b10666-5819-4e8e-8708-7d5272a14e07/_api/_versioncontrol/itemContentZipped?repositoryId=1a645b16-cfbc-402c-a8a1-badfc035618e&path=%2F&version=GBmaster&__v=5)
    ThirdParty.Chutzpah.zip (/tfs/ADERANT/44f228f7-b636-4bd3-99ee-eb2f1570d768/_api/_versioncontrol/itemContentZipped?repositoryId=0df1ae58-f11a-4a00-bde5-2b46e541b722&path=%2F&version=GBmaster&__v=5)
    ThirdParty.GitLink.zip (/tfs/ADERANT/44f228f7-b636-4bd3-99ee-eb2f1570d768/_api/_versioncontrol/itemContentZipped?repositoryId=0cf20bf8-e655-4fd5-b030-3492c4755da2&path=%2F&version=GBmaster&__v=5)
GROUP Analyzer
STRATEGY: MIN
RESTRICTION: == net48
NUGET
  remote: https://api.nuget.org/v3/index.json
    DiffPlex (1.5)
    Humanizer.Core (2.2)
      NETStandard.Library (>= 1.6.1)
    Microsoft.Bcl.AsyncInterfaces (5.0)
      System.Threading.Tasks.Extensions (>= 4.5.4)
    Microsoft.CodeAnalysis.Analyzer.Testing (1.1.1)
      DiffPlex (>= 1.5)
      Microsoft.CodeAnalysis.Analyzers (>= 2.6.1)
      Microsoft.CodeAnalysis.Workspaces.Common (>= 1.0.1)
      Microsoft.VisualBasic (>= 10.0.1)
      Microsoft.VisualStudio.Composition (>= 16.1.8)
      NuGet.Common (>= 5.6)
      NuGet.Packaging (>= 5.6)
      NuGet.Protocol (>= 5.6)
      NuGet.Resolver (>= 5.6)
      System.ValueTuple (>= 4.5)
    Microsoft.CodeAnalysis.Analyzers (3.3.2)
    Microsoft.CodeAnalysis.CodeFix.Testing (1.1.1)
      Microsoft.CodeAnalysis.Analyzer.Testing (1.1.1)
      Microsoft.CodeAnalysis.Analyzers (>= 2.6.1)
      Microsoft.CodeAnalysis.Workspaces.Common (>= 1.0.1)
    Microsoft.CodeAnalysis.Common (3.11)
      Microsoft.CodeAnalysis.Analyzers (>= 3.3.2)
      System.Collections.Immutable (>= 5.0)
      System.Memory (>= 4.5.4)
      System.Reflection.Metadata (>= 5.0)
      System.Runtime.CompilerServices.Unsafe (>= 5.0)
      System.Text.Encoding.CodePages (>= 4.5.1)
      System.Threading.Tasks.Extensions (>= 4.5.4)
    Microsoft.CodeAnalysis.CSharp (3.11)
      Microsoft.CodeAnalysis.Common (3.11)
    Microsoft.CodeAnalysis.CSharp.Analyzer.Testing (1.1.1)
      Microsoft.CodeAnalysis.Analyzer.Testing (1.1.1)
      Microsoft.CodeAnalysis.Analyzers (>= 2.6.1)
      Microsoft.CodeAnalysis.CSharp.Workspaces (>= 1.0.1)
    Microsoft.CodeAnalysis.CSharp.Analyzer.Testing.MSTest (1.1.1)
      Microsoft.CodeAnalysis.Analyzer.Testing (1.1.1)
      Microsoft.CodeAnalysis.Analyzers (>= 2.6.1)
      Microsoft.CodeAnalysis.CSharp.Analyzer.Testing (1.1.1)
      Microsoft.CodeAnalysis.CSharp.Workspaces (>= 1.0.1)
      Microsoft.CodeAnalysis.Testing.Verifiers.MSTest (1.1.1)
    Microsoft.CodeAnalysis.CSharp.CodeFix.Testing (1.1.1)
      Microsoft.CodeAnalysis.Analyzers (>= 2.6.1)
      Microsoft.CodeAnalysis.CodeFix.Testing (1.1.1)
      Microsoft.CodeAnalysis.CSharp.Workspaces (>= 1.0.1)
    Microsoft.CodeAnalysis.CSharp.CodeFix.Testing.MSTest (1.1.1)
      Microsoft.CodeAnalysis.Analyzer.Testing (1.1.1)
      Microsoft.CodeAnalysis.Analyzers (>= 2.6.1)
      Microsoft.CodeAnalysis.CodeFix.Testing (1.1.1)
      Microsoft.CodeAnalysis.CSharp.CodeFix.Testing (1.1.1)
      Microsoft.CodeAnalysis.CSharp.Workspaces (>= 1.0.1)
      Microsoft.CodeAnalysis.Testing.Verifiers.MSTest (1.1.1)
    Microsoft.CodeAnalysis.CSharp.Workspaces (3.11)
      Humanizer.Core (>= 2.2)
      Microsoft.CodeAnalysis.Common (3.11)
      Microsoft.CodeAnalysis.CSharp (3.11)
      Microsoft.CodeAnalysis.Workspaces.Common (3.11)
    Microsoft.CodeAnalysis.Testing.Verifiers.MSTest (1.1.1)
      Microsoft.CodeAnalysis.Analyzer.Testing (1.1.1)
      MSTest.TestFramework (>= 1.1.17)
    Microsoft.CodeAnalysis.Workspaces.Common (3.11)
      Humanizer.Core (>= 2.2)
      Microsoft.Bcl.AsyncInterfaces (>= 5.0)
      Microsoft.CodeAnalysis.Common (3.11)
      System.Composition (>= 1.0.31)
      System.IO.Pipelines (>= 5.0.1)
    Microsoft.NETCore.Platforms (1.1)
    Microsoft.VisualBasic (10.0.1)
    Microsoft.VisualStudio.Composition (16.1.8)
      Microsoft.VisualStudio.Composition.NetFxAttributes (>= 16.1.8)
      Microsoft.VisualStudio.Validation (>= 15.0.82)
      System.Composition (>= 1.0.31)
      System.Reflection.Emit (>= 4.3)
      System.Reflection.Metadata (>= 1.3)
      System.Threading.Tasks.Dataflow (>= 4.5.24)
    Microsoft.VisualStudio.Composition.NetFxAttributes (16.1.8)
      System.ComponentModel.Composition (>= 4.5)
    Microsoft.VisualStudio.Validation (15.0.82)
    Microsoft.Win32.Primitives (4.3)
    MSTest.TestFramework (1.1.17)
    NETStandard.Library (1.6.1)
      Microsoft.NETCore.Platforms (>= 1.1)
      Microsoft.Win32.Primitives (>= 4.3)
      System.AppContext (>= 4.3)
      System.Collections (>= 4.3)
      System.Collections.Concurrent (>= 4.3)
      System.Console (>= 4.3)
      System.Diagnostics.Debug (>= 4.3)
      System.Diagnostics.Tools (>= 4.3)
      System.Diagnostics.Tracing (>= 4.3)
      System.Globalization (>= 4.3)
      System.Globalization.Calendars (>= 4.3)
      System.IO (>= 4.3)
      System.IO.Compression (>= 4.3)
      System.IO.Compression.ZipFile (>= 4.3)
      System.IO.FileSystem (>= 4.3)
      System.IO.FileSystem.Primitives (>= 4.3)
      System.Linq (>= 4.3)
      System.Linq.Expressions (>= 4.3)
      System.Net.Http (>= 4.3)
      System.Net.Primitives (>= 4.3)
      System.Net.Sockets (>= 4.3)
      System.ObjectModel (>= 4.3)
      System.Reflection (>= 4.3)
      System.Reflection.Extensions (>= 4.3)
      System.Reflection.Primitives (>= 4.3)
      System.Resources.ResourceManager (>= 4.3)
      System.Runtime (>= 4.3)
      System.Runtime.Extensions (>= 4.3)
      System.Runtime.Handles (>= 4.3)
      System.Runtime.InteropServices (>= 4.3)
      System.Runtime.InteropServices.RuntimeInformation (>= 4.3)
      System.Runtime.Numerics (>= 4.3)
      System.Security.Cryptography.Algorithms (>= 4.3)
      System.Security.Cryptography.Encoding (>= 4.3)
      System.Security.Cryptography.Primitives (>= 4.3)
      System.Security.Cryptography.X509Certificates (>= 4.3)
      System.Text.Encoding (>= 4.3)
      System.Text.Encoding.Extensions (>= 4.3)
      System.Text.RegularExpressions (>= 4.3)
      System.Threading (>= 4.3)
      System.Threading.Tasks (>= 4.3)
      System.Threading.Timer (>= 4.3)
      System.Xml.ReaderWriter (>= 4.3)
      System.Xml.XDocument (>= 4.3)
    Newtonsoft.Json (9.0.1)
    NuGet.Common (5.6)
      NuGet.Frameworks (>= 5.6)
    NuGet.Configuration (5.6)
      NuGet.Common (>= 5.6)
    NuGet.Frameworks (5.6)
    NuGet.Packaging (5.6)
      Newtonsoft.Json (>= 9.0.1)
      NuGet.Configuration (>= 5.6)
      NuGet.Versioning (>= 5.6)
    NuGet.Protocol (5.6)
      NuGet.Packaging (>= 5.6)
    NuGet.Resolver (5.6)
      NuGet.Protocol (>= 5.6)
    NuGet.Versioning (5.6)
    System.AppContext (4.3)
    System.Buffers (4.5.1)
    System.Collections (4.3)
    System.Collections.Concurrent (4.3)
    System.Collections.Immutable (5.0)
      System.Memory (>= 4.5.4)
    System.ComponentModel.Composition (4.5)
    System.Composition (1.0.31)
      System.Composition.AttributedModel (>= 1.0.31)
      System.Composition.Convention (>= 1.0.31)
      System.Composition.Hosting (>= 1.0.31)
      System.Composition.Runtime (>= 1.0.31)
      System.Composition.TypedParts (>= 1.0.31)
    System.Composition.AttributedModel (1.0.31)
    System.Composition.Convention (1.0.31)
      System.Composition.AttributedModel (>= 1.0.31)
    System.Composition.Hosting (1.0.31)
      System.Composition.Runtime (>= 1.0.31)
    System.Composition.Runtime (1.0.31)
    System.Composition.TypedParts (1.0.31)
      System.Composition.AttributedModel (>= 1.0.31)
      System.Composition.Hosting (>= 1.0.31)
      System.Composition.Runtime (>= 1.0.31)
    System.Console (4.3)
    System.Diagnostics.Debug (4.3)
    System.Diagnostics.DiagnosticSource (4.3)
    System.Diagnostics.Tools (4.3)
    System.Diagnostics.Tracing (4.3)
    System.Globalization (4.3)
    System.Globalization.Calendars (4.3)
    System.IO (4.3)
    System.IO.Compression (4.3)
    System.IO.Compression.ZipFile (4.3)
    System.IO.FileSystem (4.3)
      System.IO.FileSystem.Primitives (>= 4.3)
    System.IO.FileSystem.Primitives (4.3)
    System.IO.Pipelines (5.0.1)
      System.Buffers (>= 4.5.1)
      System.Memory (>= 4.5.4)
      System.Threading.Tasks.Extensions (>= 4.5.4)
    System.Linq (4.3)
    System.Linq.Expressions (4.3)
    System.Memory (4.5.4)
      System.Buffers (>= 4.5.1)
      System.Numerics.Vectors (>= 4.5)
      System.Runtime.CompilerServices.Unsafe (>= 4.5.3)
    System.Net.Http (4.3)
      System.Diagnostics.DiagnosticSource (>= 4.3)
      System.Security.Cryptography.X509Certificates (>= 4.3)
    System.Net.Primitives (4.3)
    System.Net.Sockets (4.3)
    System.Numerics.Vectors (4.5)
    System.ObjectModel (4.3)
    System.Reflection (4.3)
    System.Reflection.Emit (4.3)
    System.Reflection.Extensions (4.3)
    System.Reflection.Metadata (5.0)
      System.Collections.Immutable (>= 5.0)
    System.Reflection.Primitives (4.3)
    System.Resources.ResourceManager (4.3)
    System.Runtime (4.3)
    System.Runtime.CompilerServices.Unsafe (5.0)
    System.Runtime.Extensions (4.3)
    System.Runtime.Handles (4.3)
    System.Runtime.InteropServices (4.3)
      System.Runtime (>= 4.3)
    System.Runtime.InteropServices.RuntimeInformation (4.3)
    System.Runtime.Numerics (4.3)
    System.Security.Cryptography.Algorithms (4.3)
      System.IO (>= 4.3)
      System.Runtime (>= 4.3)
      System.Security.Cryptography.Encoding (>= 4.3)
      System.Security.Cryptography.Primitives (>= 4.3)
    System.Security.Cryptography.Encoding (4.3)
    System.Security.Cryptography.Primitives (4.3)
    System.Security.Cryptography.X509Certificates (4.3)
      System.Security.Cryptography.Algorithms (>= 4.3)
      System.Security.Cryptography.Encoding (>= 4.3)
    System.Text.Encoding (4.3)
    System.Text.Encoding.CodePages (4.5.1)
      System.Runtime.CompilerServices.Unsafe (>= 4.5.2)
    System.Text.Encoding.Extensions (4.3)
    System.Text.RegularExpressions (4.3)
    System.Threading (4.3)
    System.Threading.Tasks (4.3)
    System.Threading.Tasks.Dataflow (4.5.24)
    System.Threading.Tasks.Extensions (4.5.4)
      System.Runtime.CompilerServices.Unsafe (>= 4.5.3)
    System.Threading.Timer (4.3)
    System.ValueTuple (4.5)
    System.Xml.ReaderWriter (4.3)
    System.Xml.XDocument (4.3)

GROUP DevTools
REFERENCES: STRICT
RESTRICTION: == net48
NUGET
  remote: https://api.nuget.org/v3/index.json
    Ben.Demystifier (0.1.4)
      System.Reflection.Metadata (>= 1.5)
    Castle.Core (4.4.1)
    Microsoft.AspNet.WebApi.Client (5.2.7)
      Newtonsoft.Json (>= 6.0.4)
    Microsoft.AspNet.WebApi.Core (5.2.7)
      Microsoft.AspNet.WebApi.Client (>= 5.2.7)
    Microsoft.AspNet.WebApi.WebHost (5.2.7)
      Microsoft.AspNet.WebApi.Core (>= 5.2.7 < 5.3)
    Microsoft.Bcl (1.1.10)
      Microsoft.Bcl.Build (>= 1.0.14)
    Microsoft.Bcl.Build (1.0.21) - import_targets: false
    Microsoft.IdentityModel.Clients.ActiveDirectory (5.2.9)
      System.Net.Http (>= 4.3.4)
      System.Private.Uri (>= 4.3.2)
    Microsoft.IdentityModel.JsonWebTokens (6.12.2)
      Microsoft.IdentityModel.Tokens (>= 6.12.2)
    Microsoft.IdentityModel.Logging (6.12.2)
    Microsoft.IdentityModel.Tokens (6.12.2)
      Microsoft.IdentityModel.Logging (>= 6.12.2)
    Microsoft.Net.Http (2.2.22)
      Microsoft.Bcl (>= 1.1.9)
      Microsoft.Bcl.Build (>= 1.0.14)
    Microsoft.NETCore.Platforms (5.0.3)
    Microsoft.NETCore.Targets (5.0)
    Microsoft.TeamFoundation.DistributedTask.Common.Contracts (16.170)
      Microsoft.VisualStudio.Services.Client (16.170)
    Microsoft.TeamFoundationServer.Client (16.170)
      Microsoft.AspNet.WebApi.Client (>= 5.2.7)
      Microsoft.AspNet.WebApi.Core (>= 5.2.7)
      Microsoft.AspNet.WebApi.WebHost (>= 5.2.7)
      Microsoft.TeamFoundation.DistributedTask.Common.Contracts (16.170)
      Microsoft.VisualStudio.Services.Client (16.170)
      Newtonsoft.Json (>= 12.0.3)
    Microsoft.TeamFoundationServer.ExtendedClient (16.170)
      Microsoft.AspNet.WebApi.Client (>= 5.2.7)
      Microsoft.AspNet.WebApi.Core (>= 5.2.7)
      Microsoft.IdentityModel.Clients.ActiveDirectory (>= 5.2.6)
      Microsoft.TeamFoundationServer.Client (16.170)
      Microsoft.VisualStudio.Services.Client (16.170)
      Microsoft.VisualStudio.Services.InteractiveClient (16.170)
      Newtonsoft.Json (>= 12.0.3)
      System.IdentityModel.Tokens.Jwt (>= 5.6)
    Microsoft.VisualStudio.Services.Client (16.170)
      Microsoft.AspNet.WebApi.Client (>= 5.2.7)
      Microsoft.IdentityModel.Tokens (>= 5.6)
      Newtonsoft.Json (>= 12.0.3)
      System.IdentityModel.Tokens.Jwt (>= 5.6)
    Microsoft.VisualStudio.Services.InteractiveClient (16.170)
      Ben.Demystifier (>= 0.1.2)
      Microsoft.IdentityModel.Clients.ActiveDirectory (>= 5.2.6)
      Microsoft.IdentityModel.Logging (>= 5.6)
      Microsoft.IdentityModel.Tokens (>= 5.6)
      Microsoft.VisualStudio.Services.Client (16.170)
      Newtonsoft.Json (>= 12.0.3)
      System.IdentityModel.Tokens.Jwt (>= 5.6)
    Microsoft.WindowsAPICodePack-Core (1.1.0.2)
    Microsoft.WindowsAPICodePack-Shell (1.1)
      Microsoft.WindowsAPICodePack-Core (>= 1.1)
    Moq (4.10)
      Castle.Core (>= 4.3.1)
      System.Threading.Tasks.Extensions (>= 4.3)
      System.ValueTuple (>= 4.4)
    MSTest.TestAdapter (2.2.7)
    MSTest.TestFramework (2.2.7)
    Newtonsoft.Json (13.0.1)
    System.Buffers (4.5.1)
    System.Collections.Immutable (5.0)
      System.Memory (>= 4.5.4)
    System.IdentityModel.Tokens.Jwt (6.12.2)
      Microsoft.IdentityModel.JsonWebTokens (>= 6.12.2)
      Microsoft.IdentityModel.Tokens (>= 6.12.2)
    System.IO (4.3)
    System.Memory (4.5.4)
      System.Buffers (>= 4.5.1)
      System.Numerics.Vectors (>= 4.5)
      System.Runtime.CompilerServices.Unsafe (>= 4.5.3)
    System.Net.Http (4.3.4)
      System.Security.Cryptography.X509Certificates (>= 4.3)
    System.Numerics.Vectors (4.5)
    System.Private.Uri (4.3.2)
      Microsoft.NETCore.Platforms (>= 1.1.1)
      Microsoft.NETCore.Targets (>= 1.1.3)
    System.Reflection.Metadata (5.0)
      System.Collections.Immutable (>= 5.0)
    System.Runtime (4.3.1)
    System.Runtime.CompilerServices.Unsafe (5.0)
    System.Security.Cryptography.Algorithms (4.3.1)
      System.IO (>= 4.3)
      System.Runtime (>= 4.3)
      System.Security.Cryptography.Encoding (>= 4.3)
      System.Security.Cryptography.Primitives (>= 4.3)
    System.Security.Cryptography.Encoding (4.3)
    System.Security.Cryptography.Primitives (4.3)
    System.Security.Cryptography.X509Certificates (4.3.2)
      System.Security.Cryptography.Algorithms (>= 4.3)
      System.Security.Cryptography.Encoding (>= 4.3)
    System.Threading.Tasks.Extensions (4.3)
    System.ValueTuple (4.5)
    WindowsAPICodePack-Core (1.1.2)
