REFERENCES: STRICT
RESTRICTION: == net462
NUGET
  remote: https://www.nuget.org/api/v2
    Castle.Core (4.4)
    Microsoft.AspNet.WebApi.Client (5.2.7)
      Newtonsoft.Json (>= 6.0.4)
    Microsoft.AspNet.WebApi.Core (5.2.7)
      Microsoft.AspNet.WebApi.Client (>= 5.2.7)
    Microsoft.AspNet.WebApi.WebHost (5.2.7)
      Microsoft.AspNet.WebApi.Core (>= 5.2.7 < 5.3)
    Microsoft.AspNet.WebHooks.Common (1.2.1)
      Microsoft.AspNet.WebApi.Core (>= 5.2.2)
    Microsoft.AspNet.WebHooks.Receivers (1.2.1)
      Microsoft.AspNet.WebApi.Core (>= 5.2.2)
      Microsoft.AspNet.WebHooks.Common (>= 1.2.1)
    Microsoft.AspNet.WebHooks.Receivers.Generic (1.2.1)
      Microsoft.AspNet.WebApi.Core (>= 5.2.2)
      Microsoft.AspNet.WebHooks.Common (>= 1.2.1)
      Microsoft.AspNet.WebHooks.Receivers (>= 1.2.1)
    Microsoft.AspNet.WebHooks.Receivers.VSTS (1.2.1)
      Microsoft.AspNet.WebApi.Core (>= 5.2.2)
      Microsoft.AspNet.WebHooks.Common (>= 1.2.1)
      Microsoft.AspNet.WebHooks.Receivers (>= 1.2.1)
    Microsoft.Azure.ConfigurationManager (4.0)
      Newtonsoft.Json (>= 9.0.1)
    Microsoft.Azure.KeyVault.Core (3.0.3)
    Microsoft.Bcl (1.1.10)
      Microsoft.Bcl.Build (>= 1.0.14)
    Microsoft.Bcl.Build (1.0.21) - import_targets: false
    Microsoft.IdentityModel.Clients.ActiveDirectory (5.0.5)
    Microsoft.IdentityModel.JsonWebTokens (5.4)
      Microsoft.IdentityModel.Tokens (>= 5.4)
      Newtonsoft.Json (>= 10.0.1)
    Microsoft.IdentityModel.Logging (5.4)
    Microsoft.IdentityModel.Tokens (5.4)
      Microsoft.IdentityModel.Logging (>= 5.4)
      Newtonsoft.Json (>= 10.0.1)
    Microsoft.Net.Http (2.2.22)
      Microsoft.Bcl (>= 1.1.9)
      Microsoft.Bcl.Build (>= 1.0.14)
    Microsoft.TeamFoundation.DistributedTask.Common.Contracts (16.143.1)
      Microsoft.VisualStudio.Services.Client (16.143.1)
    Microsoft.TeamFoundationServer.Client (16.143.1)
      Microsoft.AspNet.WebApi.Client (>= 5.2.3)
      Microsoft.TeamFoundation.DistributedTask.Common.Contracts (16.143.1)
      Microsoft.VisualStudio.Services.Client (16.143.1)
      Newtonsoft.Json (>= 10.0.3)
    Microsoft.TeamFoundationServer.ExtendedClient (16.143.1)
      Microsoft.AspNet.WebApi.Client (>= 5.2.3)
      Microsoft.AspNet.WebApi.Core (>= 5.2.3)
      Microsoft.IdentityModel.Clients.ActiveDirectory (>= 3.17.2)
      Microsoft.TeamFoundationServer.Client (16.143.1)
      Microsoft.VisualStudio.Services.Client (16.143.1)
      Microsoft.VisualStudio.Services.InteractiveClient (16.143.1)
      Newtonsoft.Json (>= 10.0.3)
      System.IdentityModel.Tokens.Jwt (>= 5.2.1)
    Microsoft.VisualStudio.Services.Client (16.143.1)
      Microsoft.AspNet.WebApi.Client (>= 5.2.3)
      Microsoft.IdentityModel.Tokens (>= 5.2.1)
      Newtonsoft.Json (>= 10.0.3)
      System.IdentityModel.Tokens.Jwt (>= 5.2.1)
    Microsoft.VisualStudio.Services.InteractiveClient (16.143.1)
      Microsoft.IdentityModel.Clients.ActiveDirectory (>= 3.17.2)
      Microsoft.IdentityModel.Logging (>= 5.2.1)
      Microsoft.IdentityModel.Tokens (>= 5.2.1)
      Microsoft.VisualStudio.Services.Client (16.143.1)
      Newtonsoft.Json (>= 10.0.3)
      System.IdentityModel.Tokens.Jwt (>= 5.2.1)
    Microsoft.WindowsAPICodePack-Core (1.1.0.2)
    Microsoft.WindowsAPICodePack-Shell (1.1)
      Microsoft.WindowsAPICodePack-Core (>= 1.1)
    Moq (4.10)
      Castle.Core (>= 4.3.1)
      System.Threading.Tasks.Extensions (>= 4.3)
      System.ValueTuple (>= 4.4)
    Newtonsoft.Json (10.0.3)
    System.IdentityModel.Tokens.Jwt (5.4)
      Microsoft.IdentityModel.JsonWebTokens (>= 5.4)
      Microsoft.IdentityModel.Tokens (>= 5.4)
      Newtonsoft.Json (>= 10.0.1)
    System.Threading.Tasks.Extensions (4.3)
    System.ValueTuple (4.4)
    WindowsAPICodePack-Core (1.1.2)
    WindowsAzure.Storage (9.3.3)
      Microsoft.Azure.KeyVault.Core (>= 1.0)
      Newtonsoft.Json (>= 10.0.2)

GROUP Analyzer
REFERENCES: STRICT
RESTRICTION: == net462
NUGET
  remote: https://www.nuget.org/api/v2
    Microsoft.CodeAnalysis.Analyzers (2.9.2)
    Microsoft.CodeAnalysis.Common (2.10)
      Microsoft.CodeAnalysis.Analyzers (>= 2.6.1)
      System.AppContext (>= 4.3)
      System.Collections (>= 4.3)
      System.Collections.Concurrent (>= 4.3)
      System.Collections.Immutable (>= 1.5)
      System.Console (>= 4.3)
      System.Diagnostics.Debug (>= 4.3)
      System.Diagnostics.FileVersionInfo (>= 4.3)
      System.Diagnostics.StackTrace (>= 4.3)
      System.Diagnostics.Tools (>= 4.3)
      System.Dynamic.Runtime (>= 4.3)
      System.Globalization (>= 4.3)
      System.IO.Compression (>= 4.3)
      System.IO.FileSystem (>= 4.3)
      System.IO.FileSystem.Primitives (>= 4.3)
      System.Linq (>= 4.3)
      System.Linq.Expressions (>= 4.3)
      System.Reflection (>= 4.3)
      System.Reflection.Metadata (>= 1.6)
      System.Resources.ResourceManager (>= 4.3)
      System.Runtime (>= 4.3)
      System.Runtime.Extensions (>= 4.3)
      System.Runtime.InteropServices (>= 4.3)
      System.Runtime.Numerics (>= 4.3)
      System.Security.Cryptography.Algorithms (>= 4.3)
      System.Security.Cryptography.Encoding (>= 4.3)
      System.Security.Cryptography.X509Certificates (>= 4.3)
      System.Text.Encoding (>= 4.3)
      System.Text.Encoding.CodePages (>= 4.3)
      System.Text.Encoding.Extensions (>= 4.3)
      System.Threading (>= 4.3)
      System.Threading.Tasks (>= 4.3)
      System.Threading.Tasks.Extensions (>= 4.3)
      System.Threading.Tasks.Parallel (>= 4.3)
      System.Threading.Thread (>= 4.3)
      System.ValueTuple (>= 4.3)
      System.Xml.ReaderWriter (>= 4.3)
      System.Xml.XDocument (>= 4.3)
      System.Xml.XmlDocument (>= 4.3)
      System.Xml.XPath.XDocument (>= 4.3)
    Microsoft.CodeAnalysis.CSharp (2.10)
      Microsoft.CodeAnalysis.Common (2.10)
    Microsoft.CodeAnalysis.CSharp.Workspaces (2.10)
      Microsoft.CodeAnalysis.CSharp (2.10)
      Microsoft.CodeAnalysis.Workspaces.Common (2.10)
    Microsoft.CodeAnalysis.Workspaces.Common (2.10)
      Microsoft.CodeAnalysis.Common (2.10)
      SQLitePCLRaw.bundle_green (>= 1.1.2)
      System.Composition (>= 1.0.31)
    SQLitePCLRaw.bundle_green (1.1.13)
      SQLitePCLRaw.core (>= 1.1.13)
      SQLitePCLRaw.lib.e_sqlite3.linux (>= 1.1.13)
      SQLitePCLRaw.lib.e_sqlite3.osx (>= 1.1.13)
      SQLitePCLRaw.lib.e_sqlite3.v110_xp (>= 1.1.13)
      SQLitePCLRaw.provider.e_sqlite3.net45 (>= 1.1.13)
    SQLitePCLRaw.core (1.1.13)
    SQLitePCLRaw.lib.e_sqlite3.linux (1.1.13)
    SQLitePCLRaw.lib.e_sqlite3.osx (1.1.13)
    SQLitePCLRaw.lib.e_sqlite3.v110_xp (1.1.13)
    SQLitePCLRaw.provider.e_sqlite3.net45 (1.1.13)
      SQLitePCLRaw.core (>= 1.1.13)
    System.AppContext (4.3)
    System.Collections (4.3)
    System.Collections.Concurrent (4.3)
    System.Collections.Immutable (1.5)
    System.Composition (1.0.31)
      System.Composition.AttributedModel (>= 1.0.31)
      System.Composition.Convention (>= 1.0.31)
      System.Composition.Hosting (>= 1.0.31)
      System.Composition.Runtime (>= 1.0.31)
      System.Composition.TypedParts (>= 1.0.31)
    System.Composition.AttributedModel (1.0.31)
    System.Composition.Convention (1.0.31)
      System.Composition.AttributedModel (>= 1.0.31)
    System.Composition.Hosting (1.0.31)
      System.Composition.Runtime (>= 1.0.31)
    System.Composition.Runtime (1.0.31)
    System.Composition.TypedParts (1.0.31)
      System.Composition.AttributedModel (>= 1.0.31)
      System.Composition.Hosting (>= 1.0.31)
      System.Composition.Runtime (>= 1.0.31)
    System.Console (4.3.1)
    System.Diagnostics.Debug (4.3)
    System.Diagnostics.FileVersionInfo (4.3)
    System.Diagnostics.StackTrace (4.3)
    System.Diagnostics.Tools (4.3)
    System.Dynamic.Runtime (4.3)
    System.Globalization (4.3)
    System.IO.Compression (4.3)
    System.IO.FileSystem (4.3)
      System.IO.FileSystem.Primitives (>= 4.3)
    System.IO.FileSystem.Primitives (4.3)
    System.Linq (4.3)
    System.Linq.Expressions (4.3)
    System.Reflection (4.3)
    System.Reflection.Metadata (1.6)
      System.Collections.Immutable (>= 1.5)
    System.Resources.ResourceManager (4.3)
    System.Runtime (4.3.1)
    System.Runtime.CompilerServices.Unsafe (4.5.2)
    System.Runtime.Extensions (4.3.1)
    System.Runtime.InteropServices (4.3)
      System.Runtime (>= 4.3)
    System.Runtime.Numerics (4.3)
    System.Security.Cryptography.Algorithms (4.3.1)
      System.Security.Cryptography.Primitives (>= 4.3)
    System.Security.Cryptography.Encoding (4.3)
    System.Security.Cryptography.Primitives (4.3)
    System.Security.Cryptography.X509Certificates (4.3.2)
      System.Security.Cryptography.Algorithms (>= 4.3)
      System.Security.Cryptography.Encoding (>= 4.3)
    System.Text.Encoding (4.3)
    System.Text.Encoding.CodePages (4.5.1)
      System.Runtime.CompilerServices.Unsafe (>= 4.5.2)
    System.Text.Encoding.Extensions (4.3)
    System.Threading (4.3)
    System.Threading.Tasks (4.3)
    System.Threading.Tasks.Extensions (4.3)
    System.Threading.Tasks.Parallel (4.3)
    System.Threading.Thread (4.3)
    System.ValueTuple (4.5)
    System.Xml.ReaderWriter (4.3.1)
    System.Xml.XDocument (4.3)
    System.Xml.XmlDocument (4.3)
    System.Xml.XPath (4.3)
    System.Xml.XPath.XDocument (4.3)
      System.Xml.XPath (>= 4.3)

GROUP DevTools
REFERENCES: STRICT
RESTRICTION: == net462
NUGET
  remote: https://www.nuget.org/api/v2
    LibGit2Sharp (0.26)
      LibGit2Sharp.NativeBinaries (2.0.267)
    LibGit2Sharp.NativeBinaries (2.0.267)
