FRAMEWORK: NET46, NET45
NUGET
  remote: c:\Temp\Build.Infrastructure\packages\
    Castle.Core (4.3.1) - framework: net45, net46
    Microsoft.AspNet.WebApi.Client (5.2.6) - framework: net45, net46
      Newtonsoft.Json (>= 6.0.4) - framework: net45, net46
    Microsoft.AspNet.WebApi.Core (5.2.6) - framework: net45, net46
      Microsoft.AspNet.WebApi.Client (>= 5.2.6) - framework: net45, net46
    Microsoft.Azure.Services.AppAuthentication (1.0.3) - framework: net45, net46
      Microsoft.IdentityModel.Clients.ActiveDirectory (>= 3.14.2) - framework: net46
    Microsoft.IdentityModel.Clients.ActiveDirectory (3.19.8) - framework: net45, net46
    Microsoft.Net.Compilers (1.0.0) - framework: net45, net46
    Microsoft.TeamFoundation.DistributedTask.Common (15.112.1) - framework: net45, net46
      Microsoft.Tpl.Dataflow (>= 4.5.24) - framework: net45, net46
      Microsoft.VisualStudio.Services.Client (15.112.1) - framework: net45, net46
      Newtonsoft.Json (>= 8.0.3) - framework: net45, net46
    Microsoft.TeamFoundationServer.Client (15.112.1) - framework: net45, net46
      Microsoft.AspNet.WebApi.Client (>= 5.2.2) - framework: net45, net46
      Microsoft.TeamFoundation.DistributedTask.Common (15.112.1) - framework: net45, net46
      Microsoft.VisualStudio.Services.Client (15.112.1) - framework: net45, net46
      Newtonsoft.Json (>= 8.0.3) - framework: net45, net46
    Microsoft.TeamFoundationServer.ExtendedClient (15.112.1) - framework: net45, net46
      Microsoft.AspNet.WebApi.Client (>= 5.2.2) - framework: net45, net46
      Microsoft.AspNet.WebApi.Core (>= 5.2.2) - framework: net45, net46
      Microsoft.IdentityModel.Clients.ActiveDirectory (>= 3.13.5) - framework: net45, net46
      Microsoft.TeamFoundationServer.Client (15.112.1) - framework: net45, net46
      Microsoft.VisualStudio.Services.Client (15.112.1) - framework: net45, net46
      Microsoft.VisualStudio.Services.InteractiveClient (15.112.1) - framework: net45, net46
      Newtonsoft.Json (>= 8.0.3) - framework: net45, net46
      System.IdentityModel.Tokens.Jwt (>= 4.0.2.206221351) - framework: net45, net46
    Microsoft.Tpl.Dataflow (4.5.24) - framework: net45, net46
    Microsoft.VisualStudio.Services.Client (15.112.1) - framework: net45, net46
      Microsoft.AspNet.WebApi.Client (>= 5.2.2) - framework: net45, net46
      Newtonsoft.Json (>= 8.0.3) - framework: net45, net46
    Microsoft.VisualStudio.Services.InteractiveClient (15.112.1) - framework: net45, net46
      Microsoft.AspNet.WebApi.Client (>= 5.2.2) - framework: net45, net46
      Microsoft.IdentityModel.Clients.ActiveDirectory (>= 3.13.5) - framework: net45, net46
      Microsoft.VisualStudio.Services.Client (15.112.1) - framework: net45, net46
      Newtonsoft.Json (>= 8.0.3) - framework: net45, net46
      System.IdentityModel.Tokens.Jwt (>= 4.0.2.206221351) - framework: net45, net46
      WindowsAzure.ServiceBus (>= 3.3.2) - framework: net45, net46
    Moq (4.9.0) - framework: net45, net46
      Castle.Core (>= 4.3.1) - framework: net45, net46
      System.Threading.Tasks.Extensions (>= 4.3) - framework: net45, net46
      System.ValueTuple (>= 4.4) - framework: net45, net46
    Newtonsoft.Json (8.0.3) - framework: net45, net46
    System.IdentityModel.Tokens.Jwt (4.0.4.403061554) - framework: net45, net46
    System.ValueTuple (4.5.0) - framework: net45, net46
    WindowsAzure.ServiceBus (5.0.0) - framework: net45, net46
      Microsoft.Azure.Services.AppAuthentication (>= 1.0.3) - framework: net45, net46
      Microsoft.IdentityModel.Clients.ActiveDirectory (>= 3.19.8) - framework: net45, net46
      System.IdentityModel.Tokens.Jwt (>= 4.0.4.403061554) - framework: net45, net46
  remote: https://www.nuget.org/api/v2
    System.Threading.Tasks.Extensions (4.3) - framework: net45, net46

GROUP Analyzer
NUGET
  remote: https://www.nuget.org/api/v2
    Microsoft.CodeAnalysis.Analyzers (1.0)
    Microsoft.CodeAnalysis.Common (1.0)
      Microsoft.CodeAnalysis.Analyzers (1.0)
      System.Collections.Immutable (>= 1.1.36)
      System.Reflection.Metadata (>= 1.0.21)
    Microsoft.CodeAnalysis.CSharp (1.0)
      Microsoft.CodeAnalysis.Common (1.0)
    Microsoft.CodeAnalysis.CSharp.Workspaces (1.0)
      Microsoft.CodeAnalysis.CSharp (1.0)
      Microsoft.CodeAnalysis.Workspaces.Common (1.0)
    Microsoft.CodeAnalysis.Workspaces.Common (1.0)
      Microsoft.CodeAnalysis.Common (1.0)
      Microsoft.Composition (>= 1.0.27)
    Microsoft.Composition (1.0.27)
    System.Collections.Immutable (1.1.36)
    System.Reflection.Metadata (1.0.21)
      System.Collections.Immutable (>= 1.1.36)
