NUGET
  remote: https://www.nuget.org/api/v2
    Castle.Core (3.3.3) - framework: >= net45
    Microsoft.CodeAnalysis.Analyzers (1.1)
    Microsoft.CodeAnalysis.Common (1.2.2)
      Microsoft.CodeAnalysis.Analyzers (>= 1.1)
      System.Collections.Immutable (>= 1.1.37)
      System.Reflection.Metadata (>= 1.2)
    Microsoft.CodeAnalysis.CSharp (1.2.2)
      Microsoft.CodeAnalysis.Common (1.2.2)
    Microsoft.CodeAnalysis.CSharp.Workspaces (1.2.2)
      Microsoft.CodeAnalysis.CSharp (1.2.2)
      Microsoft.CodeAnalysis.Workspaces.Common (1.2.2)
    Microsoft.CodeAnalysis.Workspaces.Common (1.2.2)
      Microsoft.CodeAnalysis.Common (1.2.2)
      Microsoft.Composition (>= 1.0.27)
    Microsoft.Composition (1.0.30)
    Microsoft.WindowsAPICodePack-Core (1.1.0.2) - framework: >= net35
    Microsoft.WindowsAPICodePack-Shell (1.1)
      Microsoft.WindowsAPICodePack-Core (>= 1.1) - framework: >= net35
    Moq (4.5.9)
      Castle.Core (>= 3.3.3) - framework: >= net45
    System.Collections (4.0.10) - framework: dnxcore50, >= netstandard11
      System.Diagnostics.Debug (>= 4.0) - framework: dnxcore50
      System.Resources.ResourceManager (>= 4.0) - framework: dnxcore50
      System.Runtime (>= 4.0) - framework: dnxcore50
      System.Runtime (>= 4.0.20) - framework: dnxcore50
      System.Runtime.Extensions (>= 4.0) - framework: dnxcore50
      System.Threading (>= 4.0) - framework: dnxcore50
    System.Collections.Immutable (1.1.37)
      System.Collections (>= 4.0) - framework: dnxcore50
      System.Diagnostics.Debug (>= 4.0) - framework: dnxcore50
      System.Globalization (>= 4.0) - framework: dnxcore50
      System.Linq (>= 4.0) - framework: dnxcore50
      System.Resources.ResourceManager (>= 4.0) - framework: dnxcore50
      System.Runtime (>= 4.0) - framework: dnxcore50
      System.Runtime.Extensions (>= 4.0) - framework: dnxcore50
      System.Threading (>= 4.0) - framework: dnxcore50
    System.Diagnostics.Debug (4.0.10) - framework: dnxcore50, >= netstandard11
      System.Runtime (>= 4.0) - framework: dnxcore50
    System.Globalization (4.0.10) - framework: dnxcore50
      System.Runtime (>= 4.0) - framework: dnxcore50
    System.IO (4.0.10) - framework: >= netstandard11
    System.Linq (4.0) - framework: dnxcore50, >= netstandard11
      System.Collections (>= 4.0.10) - framework: dnxcore50
      System.Diagnostics.Debug (>= 4.0.10) - framework: dnxcore50
      System.Resources.ResourceManager (>= 4.0) - framework: dnxcore50
      System.Runtime (>= 4.0.20) - framework: dnxcore50
      System.Runtime.Extensions (>= 4.0.10) - framework: dnxcore50
    System.Private.Uri (4.0) - framework: dnxcore50
    System.Reflection (4.0.10) - framework: dnxcore50, >= netstandard11
    System.Reflection.Extensions (4.0) - framework: >= netstandard11
    System.Reflection.Metadata (1.2)
      System.Collections (>= 4.0) - framework: >= netstandard11
      System.Collections.Immutable (>= 1.1.37)
      System.Diagnostics.Debug (>= 4.0) - framework: >= netstandard11
      System.IO (>= 4.0) - framework: >= netstandard11
      System.Linq (>= 4.0) - framework: >= netstandard11
      System.Reflection (>= 4.0) - framework: >= netstandard11
      System.Reflection.Extensions (>= 4.0) - framework: >= netstandard11
      System.Reflection.Primitives (>= 4.0) - framework: >= netstandard11
      System.Resources.ResourceManager (>= 4.0) - framework: >= netstandard11
      System.Runtime (>= 4.0) - framework: >= netstandard11
      System.Runtime.Extensions (>= 4.0) - framework: >= netstandard11
      System.Runtime.InteropServices (>= 4.0) - framework: >= netstandard11
      System.Text.Encoding (>= 4.0) - framework: >= netstandard11
      System.Text.Encoding.Extensions (>= 4.0) - framework: >= netstandard11
      System.Threading (>= 4.0) - framework: >= netstandard11
    System.Reflection.Primitives (4.0) - framework: >= netstandard11
    System.Resources.ResourceManager (4.0) - framework: dnxcore50, >= netstandard11
      System.Globalization (>= 4.0) - framework: dnxcore50
      System.Reflection (>= 4.0) - framework: dnxcore50
      System.Reflection (>= 4.0.10) - framework: dnxcore50
      System.Runtime (>= 4.0) - framework: dnxcore50
      System.Runtime (>= 4.0.20) - framework: dnxcore50
    System.Runtime (4.0.20) - framework: dnxcore50, >= netstandard11
      System.Private.Uri (>= 4.0) - framework: dnxcore50
    System.Runtime.Extensions (4.0.10) - framework: dnxcore50, >= netstandard11
      System.Runtime (>= 4.0.20) - framework: dnxcore50
    System.Runtime.InteropServices (4.0.20) - framework: >= netstandard11
    System.Text.Encoding (4.0.10) - framework: >= netstandard11
    System.Text.Encoding.Extensions (4.0.10) - framework: >= netstandard11
    System.Threading (4.0.10) - framework: dnxcore50, >= netstandard11
      System.Runtime (>= 4.0) - framework: dnxcore50
      System.Threading.Tasks (>= 4.0) - framework: dnxcore50
    System.Threading.Tasks (4.0.10) - framework: dnxcore50
      System.Runtime (>= 4.0) - framework: dnxcore50
    WindowsAPICodePack-Core (1.1.2)
