REFERENCES: STRICT
FRAMEWORK: NET46, NET45
NUGET
  remote: https://www.nuget.org/api/v2
    Castle.Core (4.3.1) - framework: net45, net46
    Microsoft.AspNet.WebApi.Client (5.2.6) - framework: net45, net46
      Newtonsoft.Json (>= 6.0.4) - framework: net45, net46
    Microsoft.AspNet.WebApi.Core (5.2.6) - framework: net45, net46
      Microsoft.AspNet.WebApi.Client (>= 5.2.6) - framework: net45, net46
    Microsoft.Bcl (1.1.10) - framework: net45, net46
      Microsoft.Bcl.Build (>= 1.0.14) - framework: net45, net46
    Microsoft.Bcl.Build (1.0.21) - import_targets: false, framework: net45, net46
    Microsoft.IdentityModel.Clients.ActiveDirectory (4.4.1) - framework: net45, net46
    Microsoft.IdentityModel.JsonWebTokens (5.3) - framework: net45
      Microsoft.IdentityModel.Tokens (>= 5.3) - framework: net45
      Newtonsoft.Json (>= 10.0.1) - framework: net45
    Microsoft.IdentityModel.Logging (5.3) - framework: net45, net46
    Microsoft.IdentityModel.Tokens (5.3) - framework: net45, net46
      Microsoft.IdentityModel.Logging (>= 5.3) - framework: net45
      Newtonsoft.Json (>= 10.0.1) - framework: net45
    Microsoft.Net.Http (2.2.22) - framework: net45, net46
      Microsoft.Bcl (>= 1.1.9) - framework: net45, net46
      Microsoft.Bcl.Build (>= 1.0.14) - framework: net45, net46
    Microsoft.TeamFoundation.DistributedTask.Common.Contracts (16.141.1-preview) - framework: net45, net46
      Microsoft.VisualStudio.Services.Client (16.141.1-preview) - framework: net45, net46
    Microsoft.TeamFoundationServer.Client (16.141.1-preview) - framework: net45, net46
      Microsoft.AspNet.WebApi.Client (>= 5.2.3) - framework: net45, net46
      Microsoft.TeamFoundation.DistributedTask.Common.Contracts (16.141.1-preview) - framework: net45, net46
      Microsoft.VisualStudio.Services.Client (16.141.1-preview) - framework: net45, net46
      Newtonsoft.Json (>= 10.0.3) - framework: net45, net46
    Microsoft.TeamFoundationServer.ExtendedClient (16.141.1-preview) - framework: net45, net46
      Microsoft.AspNet.WebApi.Client (>= 5.2.3) - framework: net45, net46
      Microsoft.AspNet.WebApi.Core (>= 5.2.3) - framework: net45, net46
      Microsoft.IdentityModel.Clients.ActiveDirectory (>= 3.17.2) - framework: net45, net46
      Microsoft.TeamFoundationServer.Client (16.141.1-preview) - framework: net45, net46
      Microsoft.VisualStudio.Services.Client (16.141.1-preview) - framework: net45, net46
      Microsoft.VisualStudio.Services.InteractiveClient (16.141.1-preview) - framework: net45, net46
      Newtonsoft.Json (>= 10.0.3) - framework: net45, net46
      System.IdentityModel.Tokens.Jwt (>= 5.2.1) - framework: net45, net46
    Microsoft.VisualStudio.Services.Client (16.141.1-preview) - framework: net45, net46
      Microsoft.AspNet.WebApi.Client (>= 5.2.3) - framework: net45, net46
      Microsoft.IdentityModel.Tokens (>= 5.2.1) - framework: net45, net46
      Newtonsoft.Json (>= 10.0.3) - framework: net45, net46
      System.IdentityModel.Tokens.Jwt (>= 5.2.1) - framework: net45, net46
    Microsoft.VisualStudio.Services.InteractiveClient (16.141.1-preview) - framework: net45, net46
      Microsoft.IdentityModel.Clients.ActiveDirectory (>= 3.17.2) - framework: net45, net46
      Microsoft.IdentityModel.Logging (>= 5.2.1) - framework: net45, net46
      Microsoft.IdentityModel.Tokens (>= 5.2.1) - framework: net45, net46
      Microsoft.VisualStudio.Services.Client (16.141.1-preview) - framework: net45, net46
      Newtonsoft.Json (>= 10.0.3) - framework: net45, net46
      System.IdentityModel.Tokens.Jwt (>= 5.2.1) - framework: net45, net46
    Moq (4.10) - framework: net45, net46
      Castle.Core (>= 4.3.1) - framework: net45, net46
      System.Threading.Tasks.Extensions (>= 4.3) - framework: net45, net46
      System.ValueTuple (>= 4.4) - framework: net45, net46
    Newtonsoft.Json (10.0.3) - framework: net45, net46
    System.IdentityModel.Tokens.Jwt (5.3) - framework: net45, net46
      Microsoft.IdentityModel.JsonWebTokens (>= 5.3) - framework: net45
      Microsoft.IdentityModel.Tokens (>= 5.3) - framework: net45
      Newtonsoft.Json (>= 10.0.1) - framework: net45
    System.Runtime.CompilerServices.Unsafe (4.5.2) - framework: net45, net46
    System.Threading.Tasks.Extensions (4.5.1) - framework: net45, net46
      System.Runtime.CompilerServices.Unsafe (>= 4.5) - framework: net45, net46
    System.ValueTuple (4.5) - framework: net45, net46

GROUP Analyzer
NUGET
  remote: https://www.nuget.org/api/v2
    Microsoft.CodeAnalysis.Analyzers (1.0)
    Microsoft.CodeAnalysis.Common (1.0)
      Microsoft.CodeAnalysis.Analyzers (1.0)
      System.Collections.Immutable (>= 1.1.36)
      System.Reflection.Metadata (>= 1.0.21)
    Microsoft.CodeAnalysis.CSharp (1.0)
      Microsoft.CodeAnalysis.Common (1.0)
    Microsoft.CodeAnalysis.CSharp.Workspaces (1.0)
      Microsoft.CodeAnalysis.CSharp (1.0)
      Microsoft.CodeAnalysis.Workspaces.Common (1.0)
    Microsoft.CodeAnalysis.Workspaces.Common (1.0)
      Microsoft.CodeAnalysis.Common (1.0)
      Microsoft.Composition (>= 1.0.27)
    Microsoft.Composition (1.0.27)
    System.Collections.Immutable (1.1.36)
    System.Reflection.Metadata (1.0.21)
      System.Collections.Immutable (>= 1.1.36)
