NUGET
  remote: https://www.nuget.org/api/v2
    Castle.Core (3.3.3) - framework: >= net45
    Microsoft.AspNet.WebApi.Client (5.2.3) - framework: >= net45
      Newtonsoft.Json (>= 6.0.4) - framework: >= net45, portable-wp80+win+wp81+wpa81
    Microsoft.CodeAnalysis.Analyzers (1.1)
    Microsoft.CodeAnalysis.Common (1.2.2)
      Microsoft.CodeAnalysis.Analyzers (>= 1.1)
      System.Collections.Immutable (>= 1.1.37)
      System.Reflection.Metadata (>= 1.2)
    Microsoft.CodeAnalysis.CSharp (1.2.2)
      Microsoft.CodeAnalysis.Common (1.2.2)
    Microsoft.CodeAnalysis.CSharp.Workspaces (1.2.2)
      Microsoft.CodeAnalysis.CSharp (1.2.2)
      Microsoft.CodeAnalysis.Workspaces.Common (1.2.2)
    Microsoft.CodeAnalysis.Workspaces.Common (1.2.2)
      Microsoft.CodeAnalysis.Common (1.2.2)
      Microsoft.Composition (>= 1.0.27)
    Microsoft.Composition (1.0.30)
    Microsoft.IdentityModel.Clients.ActiveDirectory (3.12) - framework: >= net45
    Microsoft.IdentityModel.Logging (1.0) - framework: >= net451
    Microsoft.IdentityModel.Tokens (5.0) - framework: >= net451
      Microsoft.IdentityModel.Logging (>= 1.0) - framework: >= net451, >= netstandard14
      Newtonsoft.Json (>= 9.0.1) - framework: >= net451, >= netstandard14
    Microsoft.NETCore.Platforms (1.0.1) - framework: dnxcore50, >= netstandard11
    Microsoft.NETCore.Targets (1.0.1) - framework: dnxcore50, >= netstandard11
    Microsoft.TeamFoundationServer.Client (14.95.3)
      Microsoft.AspNet.WebApi.Client (>= 5.2.2) - framework: >= net45
      Microsoft.VisualStudio.Services.Client (14.95.3) - framework: >= net45
      Newtonsoft.Json (>= 6.0.8) - framework: >= net45
    Microsoft.VisualStudio.Services.Client (14.95.3) - framework: >= net45
      Microsoft.AspNet.WebApi.Client (>= 5.2.2) - framework: >= net45
      Newtonsoft.Json (>= 6.0.8) - framework: >= net45
    Microsoft.VisualStudio.Services.InteractiveClient (14.95.3)
      Microsoft.AspNet.WebApi.Client (>= 5.2.2) - framework: >= net45
      Microsoft.IdentityModel.Clients.ActiveDirectory (>= 2.16.204221202) - framework: >= net45
      Microsoft.VisualStudio.Services.Client (14.95.3) - framework: >= net45
      Newtonsoft.Json (>= 6.0.8) - framework: >= net45
      System.IdentityModel.Tokens.Jwt (>= 4.0) - framework: >= net45
      WindowsAzure.ServiceBus (>= 2.5.1) - framework: >= net45
    Microsoft.WindowsAPICodePack-Core (1.1.0.2) - framework: >= net35
    Microsoft.WindowsAPICodePack-Shell (1.1)
      Microsoft.WindowsAPICodePack-Core (>= 1.1) - framework: >= net35
    Moq (4.5.16)
      Castle.Core (>= 3.3.3) - framework: >= net45
    Newtonsoft.Json (9.0.1) - framework: >= net45
    System.Collections (4.0.11) - framework: dnxcore50, >= netstandard11
      Microsoft.NETCore.Platforms (>= 1.0.1) - framework: dnxcore50, netstandard10, >= netstandard13
      Microsoft.NETCore.Targets (>= 1.0.1) - framework: dnxcore50, netstandard10, >= netstandard13
      System.Runtime (>= 4.1) - framework: dnxcore50, netstandard10, >= netstandard13
    System.Collections.Immutable (1.1.37)
      System.Collections (>= 4.0) - framework: dnxcore50
      System.Diagnostics.Debug (>= 4.0) - framework: dnxcore50
      System.Globalization (>= 4.0) - framework: dnxcore50
      System.Linq (>= 4.0) - framework: dnxcore50
      System.Resources.ResourceManager (>= 4.0) - framework: dnxcore50
      System.Runtime (>= 4.0) - framework: dnxcore50
      System.Runtime.Extensions (>= 4.0) - framework: dnxcore50
      System.Threading (>= 4.0) - framework: dnxcore50
    System.Diagnostics.Debug (4.0.11) - framework: dnxcore50, >= netstandard11
      Microsoft.NETCore.Platforms (>= 1.0.1) - framework: dnxcore50, netstandard10, >= netstandard13
      Microsoft.NETCore.Targets (>= 1.0.1) - framework: dnxcore50, netstandard10, >= netstandard13
      System.Runtime (>= 4.1) - framework: dnxcore50, netstandard10, >= netstandard13
    System.Globalization (4.0.11) - framework: dnxcore50, >= netstandard11
      Microsoft.NETCore.Platforms (>= 1.0.1) - framework: dnxcore50, netstandard10, >= netstandard13
      Microsoft.NETCore.Targets (>= 1.0.1) - framework: dnxcore50, netstandard10, >= netstandard13
      System.Runtime (>= 4.1) - framework: dnxcore50, netstandard10, >= netstandard13
    System.IdentityModel.Tokens.Jwt (5.0) - framework: >= net45
      Microsoft.IdentityModel.Tokens (>= 5.0) - framework: >= net451, >= netstandard14
    System.IO (4.1) - framework: dnxcore50, >= netstandard11
      Microsoft.NETCore.Platforms (>= 1.0.1) - framework: dnxcore50, netstandard10, netstandard13, >= netstandard15
      Microsoft.NETCore.Targets (>= 1.0.1) - framework: dnxcore50, netstandard10, netstandard13, >= netstandard15
      System.Runtime (>= 4.1) - framework: dnxcore50, netstandard10, netstandard13, >= netstandard15
      System.Text.Encoding (>= 4.0.11) - framework: dnxcore50, netstandard10, netstandard13, >= netstandard15
      System.Threading.Tasks (>= 4.0.11) - framework: dnxcore50, netstandard10, netstandard13, >= netstandard15
    System.Linq (4.1) - framework: dnxcore50, >= netstandard11
      System.Collections (>= 4.0.11) - framework: dnxcore50, netstandard10, >= netstandard16
      System.Diagnostics.Debug (>= 4.0.11) - framework: dnxcore50, >= netstandard16
      System.Resources.ResourceManager (>= 4.0.1) - framework: dnxcore50, >= netstandard16
      System.Runtime (>= 4.1) - framework: dnxcore50, netstandard10, >= netstandard16
      System.Runtime.Extensions (>= 4.1) - framework: dnxcore50, >= netstandard16
    System.Reflection (4.1) - framework: dnxcore50, >= netstandard11
      Microsoft.NETCore.Platforms (>= 1.0.1) - framework: dnxcore50, netstandard10, netstandard13, >= netstandard15
      Microsoft.NETCore.Targets (>= 1.0.1) - framework: dnxcore50, netstandard10, netstandard13, >= netstandard15
      System.IO (>= 4.1) - framework: dnxcore50, netstandard10, netstandard13, >= netstandard15
      System.Reflection.Primitives (>= 4.0.1) - framework: dnxcore50, netstandard10, netstandard13, >= netstandard15
      System.Runtime (>= 4.1) - framework: dnxcore50, netstandard10, netstandard13, >= netstandard15
    System.Reflection.Extensions (4.0.1) - framework: >= netstandard11
      Microsoft.NETCore.Platforms (>= 1.0.1) - framework: dnxcore50, >= netstandard10
      Microsoft.NETCore.Targets (>= 1.0.1) - framework: dnxcore50, >= netstandard10
      System.Reflection (>= 4.1) - framework: dnxcore50, >= netstandard10
      System.Runtime (>= 4.1) - framework: dnxcore50, >= netstandard10
    System.Reflection.Metadata (1.2)
      System.Collections (>= 4.0) - framework: >= netstandard11
      System.Collections.Immutable (>= 1.1.37)
      System.Diagnostics.Debug (>= 4.0) - framework: >= netstandard11
      System.IO (>= 4.0) - framework: >= netstandard11
      System.Linq (>= 4.0) - framework: >= netstandard11
      System.Reflection (>= 4.0) - framework: >= netstandard11
      System.Reflection.Extensions (>= 4.0) - framework: >= netstandard11
      System.Reflection.Primitives (>= 4.0) - framework: >= netstandard11
      System.Resources.ResourceManager (>= 4.0) - framework: >= netstandard11
      System.Runtime (>= 4.0) - framework: >= netstandard11
      System.Runtime.Extensions (>= 4.0) - framework: >= netstandard11
      System.Runtime.InteropServices (>= 4.0) - framework: >= netstandard11
      System.Text.Encoding (>= 4.0) - framework: >= netstandard11
      System.Text.Encoding.Extensions (>= 4.0) - framework: >= netstandard11
      System.Threading (>= 4.0) - framework: >= netstandard11
    System.Reflection.Primitives (4.0.1) - framework: dnxcore50, >= netstandard11
      Microsoft.NETCore.Platforms (>= 1.0.1) - framework: dnxcore50, >= netstandard10
      Microsoft.NETCore.Targets (>= 1.0.1) - framework: dnxcore50, >= netstandard10
      System.Runtime (>= 4.1) - framework: dnxcore50, >= netstandard10
    System.Resources.ResourceManager (4.0.1) - framework: dnxcore50, >= netstandard11
      Microsoft.NETCore.Platforms (>= 1.0.1) - framework: dnxcore50, >= netstandard10
      Microsoft.NETCore.Targets (>= 1.0.1) - framework: dnxcore50, >= netstandard10
      System.Globalization (>= 4.0.11) - framework: dnxcore50, >= netstandard10
      System.Reflection (>= 4.1) - framework: dnxcore50, >= netstandard10
      System.Runtime (>= 4.1) - framework: dnxcore50, >= netstandard10
    System.Runtime (4.1) - framework: dnxcore50, >= netstandard11
      Microsoft.NETCore.Platforms (>= 1.0.1) - framework: dnxcore50, netstandard10, netstandard12, netstandard13, >= netstandard15
      Microsoft.NETCore.Targets (>= 1.0.1) - framework: dnxcore50, netstandard10, netstandard12, netstandard13, >= netstandard15
    System.Runtime.Extensions (4.1) - framework: dnxcore50, >= netstandard11
      Microsoft.NETCore.Platforms (>= 1.0.1) - framework: dnxcore50, netstandard10, netstandard13, >= netstandard15
      Microsoft.NETCore.Targets (>= 1.0.1) - framework: dnxcore50, netstandard10, netstandard13, >= netstandard15
      System.Runtime (>= 4.1) - framework: dnxcore50, netstandard10, netstandard13, >= netstandard15
    System.Runtime.Handles (4.0.1) - framework: >= netstandard13
      Microsoft.NETCore.Platforms (>= 1.0.1) - framework: >= netstandard13
      Microsoft.NETCore.Targets (>= 1.0.1) - framework: >= netstandard13
      System.Runtime (>= 4.1) - framework: >= netstandard13
    System.Runtime.InteropServices (4.1) - framework: >= netstandard11
      Microsoft.NETCore.Platforms (>= 1.0.1) - framework: dnxcore50, netstandard11, netstandard12, netstandard13, >= netstandard15
      Microsoft.NETCore.Targets (>= 1.0.1) - framework: dnxcore50, netstandard11, netstandard12, netstandard13, >= netstandard15
      System.Reflection (>= 4.1) - framework: dnxcore50, netstandard11, netstandard12, netstandard13, >= netstandard15
      System.Reflection.Primitives (>= 4.0.1) - framework: dnxcore50, netstandard11, netstandard12, netstandard13, >= netstandard15
      System.Runtime (>= 4.1) - framework: >= net462, dnxcore50, netstandard11, netstandard12, netstandard13, >= netstandard15
      System.Runtime.Handles (>= 4.0.1) - framework: dnxcore50, netstandard13, >= netstandard15
    System.Text.Encoding (4.0.11) - framework: dnxcore50, >= netstandard11
      Microsoft.NETCore.Platforms (>= 1.0.1) - framework: dnxcore50, netstandard10, >= netstandard13
      Microsoft.NETCore.Targets (>= 1.0.1) - framework: dnxcore50, netstandard10, >= netstandard13
      System.Runtime (>= 4.1) - framework: dnxcore50, netstandard10, >= netstandard13
    System.Text.Encoding.Extensions (4.0.11) - framework: >= netstandard11
      Microsoft.NETCore.Platforms (>= 1.0.1) - framework: dnxcore50, netstandard10, >= netstandard13
      Microsoft.NETCore.Targets (>= 1.0.1) - framework: dnxcore50, netstandard10, >= netstandard13
      System.Runtime (>= 4.1) - framework: dnxcore50, netstandard10, >= netstandard13
      System.Text.Encoding (>= 4.0.11) - framework: dnxcore50, netstandard10, >= netstandard13
    System.Threading (4.0.11) - framework: dnxcore50, >= netstandard11
      System.Runtime (>= 4.1) - framework: dnxcore50, netstandard10, >= netstandard13
      System.Threading.Tasks (>= 4.0.11) - framework: dnxcore50, netstandard10, >= netstandard13
    System.Threading.Tasks (4.0.11) - framework: dnxcore50, >= netstandard13
      Microsoft.NETCore.Platforms (>= 1.0.1) - framework: dnxcore50, netstandard10, >= netstandard13
      Microsoft.NETCore.Targets (>= 1.0.1) - framework: dnxcore50, netstandard10, >= netstandard13
      System.Runtime (>= 4.1) - framework: dnxcore50, netstandard10, >= netstandard13
    WindowsAPICodePack-Core (1.1.2)
    WindowsAzure.ServiceBus (3.3.1) - framework: >= net45
